RESTRICTION: || (== netcoreapp2.2) (== netstandard2.0)
NUGET
  remote: https://www.nuget.org/api/v2
    FSharp.Core (4.5.4)

GROUP Client
STORAGE: NONE
RESTRICTION: == netstandard2.0
NUGET
  remote: https://www.nuget.org/api/v2
    dotnet-fable (2.0.11) - clitool: true
    Fable.Core (2.0.3)
      FSharp.Core (>= 4.5.2)
    Fable.Elmish (2.0.3)
      Fable.Core (>= 2.0)
      Fable.PowerPack (>= 2.0.1)
      FSharp.Core (>= 4.5.2)
    Fable.Elmish.Browser (2.1)
      Fable.Core (>= 2.0)
      Fable.Elmish (>= 2.0)
      Fable.Import.Browser (>= 1.3)
      FSharp.Core (>= 4.5.2)
    Fable.Elmish.Debugger (2.0.2)
      Fable.Core (>= 2.0)
      Fable.Elmish (>= 2.0)
      FSharp.Core (>= 4.5.2)
    Fable.Elmish.HMR (3.0.2)
      Fable.Core (>= 2.0.1)
      Fable.Elmish (>= 2.0.3)
      Fable.Elmish.Browser (>= 2.1)
      Fable.Elmish.React (>= 2.1)
      Fable.Import.HMR (>= 0.1)
      Fable.React (>= 4.1.3)
      FSharp.Core (>= 4.5.2)
    Fable.Elmish.React (2.1)
      Fable.Core (>= 2.0)
      Fable.Elmish (>= 2.0)
      Fable.PowerPack (>= 2.0.1)
      Fable.React (>= 4.0.1)
      FSharp.Core (>= 4.5.2)
    Fable.Import.Browser (1.3)
      Fable.Core (>= 1.3.17)
    Fable.Import.HMR (0.1)
      Fable.Core (>= 1.3.17)
    Fable.PowerPack (3.0)
      Fable.Core (>= 2.0)
      Fable.Import.Browser (>= 1.3)
      FSharp.Core (>= 4.5.2)
      Thoth.Json (>= 2.0)
    Fable.React (4.1.3)
      Fable.Core (>= 2.0)
      Fable.Import.Browser (>= 1.3)
      FSharp.Core (>= 4.5.2)
    FSharp.Core (4.5.4)
    Fulma (1.1)
      Fable.Core (>= 2.0.2)
      Fable.React (>= 4.1.3)
    Fulma.Extensions (1.1)
      Fable.Core (>= 2.0.2)
      Fable.React (>= 4.1.3)
      Fulma (>= 1.1)
    Thoth.Json (2.5)
      Fable.Core (>= 2.0)
      FSharp.Core (>= 4.5.2)

GROUP Service
STORAGE: NONE
RESTRICTION: || (== netcoreapp2.2) (== netstandard2.0)
NUGET
  remote: https://www.nuget.org/api/v2
    Akka (1.3.10)
      NETStandard.Library (>= 1.6.1)
      Newtonsoft.Json (>= 9.0.1)
      System.Collections.Immutable (>= 1.3.1)
      System.Diagnostics.TraceSource (>= 4.3)
      System.Net.NameResolution (>= 4.3)
      System.Reflection.Emit (>= 4.3)
      System.Reflection.TypeExtensions (>= 4.3)
      System.Threading.Thread (>= 4.3)
      System.Threading.ThreadPool (>= 4.3)
    Akka.FSharp (1.3.10)
      Akka (>= 1.3.10)
      FSharp.Core (>= 4.2.3)
      FSharp.Quotations.Evaluator (>= 1.1.2)
      FsPickler (>= 5.2)
    Akka.Streams (1.3.10)
      Akka (>= 1.3.10)
      NETStandard.Library (>= 1.6.1)
      Reactive.Streams (>= 1.0.2)
      System.Reflection.TypeExtensions (>= 4.3)
    App.Metrics (3.0)
      App.Metrics.Core (>= 3.0)
      App.Metrics.Formatters.Json (>= 3.0)
      NETStandard.Library (>= 1.6.1)
    App.Metrics.Abstractions (3.0)
      NETStandard.Library (>= 1.6.1)
    App.Metrics.AspNetCore (3.0)
      App.Metrics (>= 3.0)
      App.Metrics.AspNetCore.Endpoints (>= 3.0)
      App.Metrics.AspNetCore.Tracking (>= 3.0)
      App.Metrics.Extensions.Hosting (>= 3.0)
    App.Metrics.AspNetCore.Abstractions (3.0)
      App.Metrics.Abstractions (>= 3.0)
      Microsoft.AspNetCore.Http.Abstractions (>= 2.1.1)
      Microsoft.AspNetCore.Routing.Abstractions (>= 2.1.1)
    App.Metrics.AspNetCore.Core (3.0)
      App.Metrics.AspNetCore.Abstractions (>= 3.0)
      App.Metrics.Core (>= 3.0)
      App.Metrics.Extensions.Configuration (>= 3.0)
      App.Metrics.Extensions.DependencyInjection (>= 3.0)
      Microsoft.AspNetCore.Http.Extensions (>= 2.1.1)
      Microsoft.Extensions.Logging.Abstractions (>= 2.1.1)
      Microsoft.Extensions.Options.ConfigurationExtensions (>= 2.1.1)
    App.Metrics.AspNetCore.Endpoints (3.0)
      App.Metrics.AspNetCore.Hosting (>= 3.0)
    App.Metrics.AspNetCore.Health (2.1)
      App.Metrics.AspNetCore.Health.Endpoints (>= 2.1)
      App.Metrics.Health (>= 2.1)
      App.Metrics.Health.Extensions.Hosting (>= 3.0)
    App.Metrics.AspNetCore.Health.Core (2.1)
      App.Metrics.Health.Core (>= 2.1)
      App.Metrics.Health.Extensions.Configuration (>= 3.0)
      App.Metrics.Health.Extensions.DependencyInjection (>= 3.0)
      Microsoft.AspNetCore.Http.Extensions (>= 2.1.1)
      Microsoft.Extensions.Logging.Abstractions (>= 2.1.1)
      Microsoft.Extensions.Options.ConfigurationExtensions (>= 2.1.1)
    App.Metrics.AspNetCore.Health.Endpoints (2.1)
      App.Metrics.AspNetCore.Health.Hosting (>= 2.1)
    App.Metrics.AspNetCore.Health.Hosting (2.1)
      App.Metrics.AspNetCore.Health.Core (>= 2.1)
      Microsoft.AspNetCore.Hosting.Abstractions (>= 2.1.1)
    App.Metrics.AspNetCore.Hosting (3.0)
      App.Metrics.AspNetCore.Core (>= 3.0)
      Microsoft.AspNetCore.Hosting.Abstractions (>= 2.1.1)
    App.Metrics.AspNetCore.Mvc (3.0)
      App.Metrics.AspNetCore (>= 3.0)
      App.Metrics.AspNetCore.Mvc.Core (>= 3.0)
      App.Metrics.AspNetCore.Routing (>= 3.0)
      Microsoft.AspNetCore.Mvc (>= 2.1.3)
    App.Metrics.AspNetCore.Mvc.Core (3.0)
      App.Metrics.AspNetCore (>= 3.0)
      App.Metrics.AspNetCore.Routing (>= 3.0)
      Microsoft.AspNetCore.Mvc.Core (>= 2.1.3)
    App.Metrics.AspNetCore.Routing (3.0)
      App.Metrics.AspNetCore.Abstractions (>= 3.0)
      Microsoft.AspNetCore.Routing (>= 2.1.1)
    App.Metrics.AspNetCore.Tracking (3.0)
      App.Metrics.AspNetCore.Hosting (>= 3.0)
    App.Metrics.Concurrency (2.0.2)
      NETStandard.Library (>= 1.6.1)
    App.Metrics.Core (3.0)
      App.Metrics.Abstractions (>= 3.0)
      App.Metrics.Concurrency (>= 2.0.1)
      App.Metrics.Formatters.Ascii (>= 3.0)
      Microsoft.CSharp (>= 4.5)
      NETStandard.Library (>= 1.6.1)
    App.Metrics.Extensions.Configuration (3.0)
      App.Metrics (>= 3.0)
      Microsoft.Extensions.Configuration.Binder (>= 2.1.1)
    App.Metrics.Extensions.DependencyInjection (3.0)
      App.Metrics (>= 3.0)
      Microsoft.Extensions.DependencyInjection (>= 2.1.1)
    App.Metrics.Extensions.Hosting (3.0)
      App.Metrics.Core (>= 3.0)
      Microsoft.Extensions.Hosting.Abstractions (>= 2.1.1)
    App.Metrics.Formatters.Ascii (3.0)
      App.Metrics.Abstractions (>= 3.0)
      NETStandard.Library (>= 1.6.1)
    App.Metrics.Formatters.Json (3.0)
      App.Metrics.Abstractions (>= 3.0)
      NETStandard.Library (>= 1.6.1)
      Newtonsoft.Json (>= 12.0.1)
    App.Metrics.Health (2.1)
      App.Metrics.Health.Core (>= 2.1)
      App.Metrics.Health.Formatters.Ascii (>= 2.1)
      App.Metrics.Health.Formatters.Json (>= 2.1)
      NETStandard.Library (>= 1.6.1)
    App.Metrics.Health.Abstractions (2.1)
      App.Metrics.Concurrency (>= 2.0.1)
      Microsoft.CSharp (>= 4.5)
      NETStandard.Library (>= 1.6.1)
      System.Threading.Tasks.Extensions (>= 4.5.1)
      System.ValueTuple (>= 4.5)
    App.Metrics.Health.Core (2.1)
      App.Metrics.Health.Abstractions (>= 2.1)
      App.Metrics.Health.Formatters.Ascii (>= 2.1)
      NETStandard.Library (>= 1.6.1)
    App.Metrics.Health.Extensions.Configuration (3.0)
      App.Metrics.Health (>= 2.1)
      Microsoft.Extensions.Configuration.Binder (>= 2.1.1)
    App.Metrics.Health.Extensions.DependencyInjection (3.0)
      App.Metrics.Health (>= 2.1)
      Microsoft.Extensions.DependencyInjection (>= 2.1.1)
      Microsoft.Extensions.DependencyModel (>= 2.1)
    App.Metrics.Health.Extensions.Hosting (3.0)
      App.Metrics.Health.Core (>= 2.1)
      Microsoft.Extensions.Hosting.Abstractions (>= 2.1.1)
    App.Metrics.Health.Formatters.Ascii (2.1)
      App.Metrics.Health.Abstractions (>= 2.1)
      NETStandard.Library (>= 1.6.1)
    App.Metrics.Health.Formatters.Json (2.1)
      App.Metrics.Health.Abstractions (>= 2.1)
      NETStandard.Library (>= 1.6.1)
      Newtonsoft.Json (>= 12.0.1)
    Argu (5.1)
      FSharp.Core (>= 4.3.2)
      System.Configuration.ConfigurationManager (>= 4.4)
    Bogus (25.0.2)
    DnsClient (1.2)
      System.Buffers (>= 4.4)
    Expecto (8.6.4)
      Argu (>= 5.1)
      Mono.Cecil (>= 0.10)
      System.Diagnostics.FileVersionInfo (>= 4.3)
    Expecto.TestResults (8.6.4)
      Expecto (>= 8.6.4)
    FSharp.Core (4.5.4)
    FSharp.Quotations.Evaluator (1.1.3)
      FSharp.Core (>= 4.3.1)
    FsPickler (5.2)
      FSharp.Core (>= 4.3.2)
      System.Reflection.Emit.Lightweight (>= 4.3)
    Giraffe (3.4)
      FSharp.Core (>= 4.5.2)
      Microsoft.AspNetCore.Authentication (>= 2.1.2)
      Microsoft.AspNetCore.Authorization (>= 2.1.2)
      Microsoft.AspNetCore.Diagnostics (>= 2.1.1)
      Microsoft.AspNetCore.Hosting.Abstractions (>= 2.1.1)
      Microsoft.AspNetCore.ResponseCaching (>= 2.1.1)
      Newtonsoft.Json (>= 11.0.2)
      System.Text.RegularExpressions (>= 4.3)
      System.Xml.XmlSerializer (>= 4.3)
      TaskBuilder.fs (>= 2.1)
      Utf8Json (>= 1.3.7)
    Hopac (0.4.1)
      FSharp.Core (>= 4.5 < 5.0)
    Http.fs (5.3)
      FSharp.Core (>= 4.3.4)
      Hopac (>= 0.3.23)
      System.Diagnostics.FileVersionInfo (>= 4.3)
    Microsoft.AspNet.WebApi.Client (5.2.7) - restriction: || (== netcoreapp2.2) (&& (== netstandard2.0) (>= netcoreapp2.2))
      Newtonsoft.Json (>= 10.0.1)
      Newtonsoft.Json.Bson (>= 1.0.1)
    Microsoft.AspNetCore (2.2) - restriction: || (== netcoreapp2.2) (&& (== netstandard2.0) (>= netcoreapp2.2))
      Microsoft.AspNetCore.Diagnostics (>= 2.2)
      Microsoft.AspNetCore.HostFiltering (>= 2.2)
      Microsoft.AspNetCore.Hosting (>= 2.2)
      Microsoft.AspNetCore.Routing (>= 2.2)
      Microsoft.AspNetCore.Server.IIS (>= 2.2)
      Microsoft.AspNetCore.Server.IISIntegration (>= 2.2)
      Microsoft.AspNetCore.Server.Kestrel (>= 2.2)
      Microsoft.AspNetCore.Server.Kestrel.Https (>= 2.2)
      Microsoft.Extensions.Configuration.CommandLine (>= 2.2)
      Microsoft.Extensions.Configuration.EnvironmentVariables (>= 2.2)
      Microsoft.Extensions.Configuration.FileExtensions (>= 2.2)
      Microsoft.Extensions.Configuration.Json (>= 2.2)
      Microsoft.Extensions.Configuration.UserSecrets (>= 2.2)
      Microsoft.Extensions.Logging (>= 2.2)
      Microsoft.Extensions.Logging.Configuration (>= 2.2)
      Microsoft.Extensions.Logging.Console (>= 2.2)
      Microsoft.Extensions.Logging.Debug (>= 2.2)
      Microsoft.Extensions.Logging.EventSource (>= 2.2)
    Microsoft.AspNetCore.Antiforgery (2.2) - restriction: || (== netcoreapp2.2) (&& (== netstandard2.0) (>= netcoreapp2.2))
      Microsoft.AspNetCore.DataProtection (>= 2.2)
      Microsoft.AspNetCore.Http.Abstractions (>= 2.2)
      Microsoft.AspNetCore.Http.Extensions (>= 2.2)
      Microsoft.AspNetCore.WebUtilities (>= 2.2)
      Microsoft.Extensions.ObjectPool (>= 2.2)
    Microsoft.AspNetCore.App (2.2)
      Microsoft.AspNet.WebApi.Client (>= 5.2.6 < 5.3) - restriction: || (== netcoreapp2.2) (&& (== netstandard2.0) (>= netcoreapp2.2))
      Microsoft.AspNetCore (>= 2.2 < 2.3) - restriction: || (== netcoreapp2.2) (&& (== netstandard2.0) (>= netcoreapp2.2))
      Microsoft.AspNetCore.Antiforgery (>= 2.2 < 2.3) - restriction: || (== netcoreapp2.2) (&& (== netstandard2.0) (>= netcoreapp2.2))
      Microsoft.AspNetCore.Authentication (>= 2.2 < 2.3) - restriction: || (== netcoreapp2.2) (&& (== netstandard2.0) (>= netcoreapp2.2))
      Microsoft.AspNetCore.Authentication.Abstractions (>= 2.2 < 2.3) - restriction: || (== netcoreapp2.2) (&& (== netstandard2.0) (>= netcoreapp2.2))
      Microsoft.AspNetCore.Authentication.Cookies (>= 2.2 < 2.3) - restriction: || (== netcoreapp2.2) (&& (== netstandard2.0) (>= netcoreapp2.2))
      Microsoft.AspNetCore.Authentication.Core (>= 2.2 < 2.3) - restriction: || (== netcoreapp2.2) (&& (== netstandard2.0) (>= netcoreapp2.2))
      Microsoft.AspNetCore.Authentication.Facebook (>= 2.2 < 2.3) - restriction: || (== netcoreapp2.2) (&& (== netstandard2.0) (>= netcoreapp2.2))
      Microsoft.AspNetCore.Authentication.Google (>= 2.2 < 2.3) - restriction: || (== netcoreapp2.2) (&& (== netstandard2.0) (>= netcoreapp2.2))
      Microsoft.AspNetCore.Authentication.JwtBearer (>= 2.2 < 2.3) - restriction: || (== netcoreapp2.2) (&& (== netstandard2.0) (>= netcoreapp2.2))
      Microsoft.AspNetCore.Authentication.MicrosoftAccount (>= 2.2 < 2.3) - restriction: || (== netcoreapp2.2) (&& (== netstandard2.0) (>= netcoreapp2.2))
      Microsoft.AspNetCore.Authentication.OAuth (>= 2.2 < 2.3) - restriction: || (== netcoreapp2.2) (&& (== netstandard2.0) (>= netcoreapp2.2))
      Microsoft.AspNetCore.Authentication.OpenIdConnect (>= 2.2 < 2.3) - restriction: || (== netcoreapp2.2) (&& (== netstandard2.0) (>= netcoreapp2.2))
      Microsoft.AspNetCore.Authentication.Twitter (>= 2.2 < 2.3) - restriction: || (== netcoreapp2.2) (&& (== netstandard2.0) (>= netcoreapp2.2))
      Microsoft.AspNetCore.Authentication.WsFederation (>= 2.2 < 2.3) - restriction: || (== netcoreapp2.2) (&& (== netstandard2.0) (>= netcoreapp2.2))
      Microsoft.AspNetCore.Authorization (>= 2.2 < 2.3) - restriction: || (== netcoreapp2.2) (&& (== netstandard2.0) (>= netcoreapp2.2))
      Microsoft.AspNetCore.Authorization.Policy (>= 2.2 < 2.3) - restriction: || (== netcoreapp2.2) (&& (== netstandard2.0) (>= netcoreapp2.2))
      Microsoft.AspNetCore.Connections.Abstractions (>= 2.2 < 2.3) - restriction: || (== netcoreapp2.2) (&& (== netstandard2.0) (>= netcoreapp2.2))
      Microsoft.AspNetCore.CookiePolicy (>= 2.2 < 2.3) - restriction: || (== netcoreapp2.2) (&& (== netstandard2.0) (>= netcoreapp2.2))
      Microsoft.AspNetCore.Cors (>= 2.2 < 2.3) - restriction: || (== netcoreapp2.2) (&& (== netstandard2.0) (>= netcoreapp2.2))
      Microsoft.AspNetCore.Cryptography.Internal (>= 2.2 < 2.3) - restriction: || (== netcoreapp2.2) (&& (== netstandard2.0) (>= netcoreapp2.2))
      Microsoft.AspNetCore.Cryptography.KeyDerivation (>= 2.2 < 2.3) - restriction: || (== netcoreapp2.2) (&& (== netstandard2.0) (>= netcoreapp2.2))
      Microsoft.AspNetCore.DataProtection (>= 2.2 < 2.3) - restriction: || (== netcoreapp2.2) (&& (== netstandard2.0) (>= netcoreapp2.2))
      Microsoft.AspNetCore.DataProtection.Abstractions (>= 2.2 < 2.3) - restriction: || (== netcoreapp2.2) (&& (== netstandard2.0) (>= netcoreapp2.2))
      Microsoft.AspNetCore.DataProtection.Extensions (>= 2.2 < 2.3) - restriction: || (== netcoreapp2.2) (&& (== netstandard2.0) (>= netcoreapp2.2))
      Microsoft.AspNetCore.Diagnostics (>= 2.2 < 2.3) - restriction: || (== netcoreapp2.2) (&& (== netstandard2.0) (>= netcoreapp2.2))
      Microsoft.AspNetCore.Diagnostics.Abstractions (>= 2.2 < 2.3) - restriction: || (== netcoreapp2.2) (&& (== netstandard2.0) (>= netcoreapp2.2))
      Microsoft.AspNetCore.Diagnostics.EntityFrameworkCore (>= 2.2 < 2.3) - restriction: || (== netcoreapp2.2) (&& (== netstandard2.0) (>= netcoreapp2.2))
      Microsoft.AspNetCore.Diagnostics.HealthChecks (>= 2.2 < 2.3) - restriction: || (== netcoreapp2.2) (&& (== netstandard2.0) (>= netcoreapp2.2))
      Microsoft.AspNetCore.HostFiltering (>= 2.2 < 2.3) - restriction: || (== netcoreapp2.2) (&& (== netstandard2.0) (>= netcoreapp2.2))
      Microsoft.AspNetCore.Hosting (>= 2.2 < 2.3) - restriction: || (== netcoreapp2.2) (&& (== netstandard2.0) (>= netcoreapp2.2))
      Microsoft.AspNetCore.Hosting.Abstractions (>= 2.2 < 2.3) - restriction: || (== netcoreapp2.2) (&& (== netstandard2.0) (>= netcoreapp2.2))
      Microsoft.AspNetCore.Hosting.Server.Abstractions (>= 2.2 < 2.3) - restriction: || (== netcoreapp2.2) (&& (== netstandard2.0) (>= netcoreapp2.2))
      Microsoft.AspNetCore.Html.Abstractions (>= 2.2 < 2.3) - restriction: || (== netcoreapp2.2) (&& (== netstandard2.0) (>= netcoreapp2.2))
      Microsoft.AspNetCore.Http (>= 2.2 < 2.3) - restriction: || (== netcoreapp2.2) (&& (== netstandard2.0) (>= netcoreapp2.2))
      Microsoft.AspNetCore.Http.Abstractions (>= 2.2 < 2.3) - restriction: || (== netcoreapp2.2) (&& (== netstandard2.0) (>= netcoreapp2.2))
      Microsoft.AspNetCore.Http.Connections (>= 1.1 < 1.2) - restriction: || (== netcoreapp2.2) (&& (== netstandard2.0) (>= netcoreapp2.2))
      Microsoft.AspNetCore.Http.Connections.Common (>= 1.1 < 1.2) - restriction: || (== netcoreapp2.2) (&& (== netstandard2.0) (>= netcoreapp2.2))
      Microsoft.AspNetCore.Http.Extensions (>= 2.2 < 2.3) - restriction: || (== netcoreapp2.2) (&& (== netstandard2.0) (>= netcoreapp2.2))
      Microsoft.AspNetCore.Http.Features (>= 2.2 < 2.3) - restriction: || (== netcoreapp2.2) (&& (== netstandard2.0) (>= netcoreapp2.2))
      Microsoft.AspNetCore.HttpOverrides (>= 2.2 < 2.3) - restriction: || (== netcoreapp2.2) (&& (== netstandard2.0) (>= netcoreapp2.2))
      Microsoft.AspNetCore.HttpsPolicy (>= 2.2 < 2.3) - restriction: || (== netcoreapp2.2) (&& (== netstandard2.0) (>= netcoreapp2.2))
      Microsoft.AspNetCore.Identity (>= 2.2 < 2.3) - restriction: || (== netcoreapp2.2) (&& (== netstandard2.0) (>= netcoreapp2.2))
      Microsoft.AspNetCore.Identity.EntityFrameworkCore (>= 2.2 < 2.3) - restriction: || (== netcoreapp2.2) (&& (== netstandard2.0) (>= netcoreapp2.2))
      Microsoft.AspNetCore.Identity.UI (>= 2.2 < 2.3) - restriction: || (== netcoreapp2.2) (&& (== netstandard2.0) (>= netcoreapp2.2))
      Microsoft.AspNetCore.JsonPatch (>= 2.2 < 2.3) - restriction: || (== netcoreapp2.2) (&& (== netstandard2.0) (>= netcoreapp2.2))
      Microsoft.AspNetCore.Localization (>= 2.2 < 2.3) - restriction: || (== netcoreapp2.2) (&& (== netstandard2.0) (>= netcoreapp2.2))
      Microsoft.AspNetCore.Localization.Routing (>= 2.2 < 2.3) - restriction: || (== netcoreapp2.2) (&& (== netstandard2.0) (>= netcoreapp2.2))
      Microsoft.AspNetCore.MiddlewareAnalysis (>= 2.2 < 2.3) - restriction: || (== netcoreapp2.2) (&& (== netstandard2.0) (>= netcoreapp2.2))
      Microsoft.AspNetCore.Mvc (>= 2.2 < 2.3) - restriction: || (== netcoreapp2.2) (&& (== netstandard2.0) (>= netcoreapp2.2))
      Microsoft.AspNetCore.Mvc.Abstractions (>= 2.2 < 2.3) - restriction: || (== netcoreapp2.2) (&& (== netstandard2.0) (>= netcoreapp2.2))
      Microsoft.AspNetCore.Mvc.Analyzers (>= 2.2 < 2.3) - restriction: || (== netcoreapp2.2) (&& (== netstandard2.0) (>= netcoreapp2.2))
      Microsoft.AspNetCore.Mvc.ApiExplorer (>= 2.2 < 2.3) - restriction: || (== netcoreapp2.2) (&& (== netstandard2.0) (>= netcoreapp2.2))
      Microsoft.AspNetCore.Mvc.Core (>= 2.2 < 2.3) - restriction: || (== netcoreapp2.2) (&& (== netstandard2.0) (>= netcoreapp2.2))
      Microsoft.AspNetCore.Mvc.Cors (>= 2.2 < 2.3) - restriction: || (== netcoreapp2.2) (&& (== netstandard2.0) (>= netcoreapp2.2))
      Microsoft.AspNetCore.Mvc.DataAnnotations (>= 2.2 < 2.3) - restriction: || (== netcoreapp2.2) (&& (== netstandard2.0) (>= netcoreapp2.2))
      Microsoft.AspNetCore.Mvc.Formatters.Json (>= 2.2 < 2.3) - restriction: || (== netcoreapp2.2) (&& (== netstandard2.0) (>= netcoreapp2.2))
      Microsoft.AspNetCore.Mvc.Formatters.Xml (>= 2.2 < 2.3) - restriction: || (== netcoreapp2.2) (&& (== netstandard2.0) (>= netcoreapp2.2))
      Microsoft.AspNetCore.Mvc.Localization (>= 2.2 < 2.3) - restriction: || (== netcoreapp2.2) (&& (== netstandard2.0) (>= netcoreapp2.2))
      Microsoft.AspNetCore.Mvc.Razor (>= 2.2 < 2.3) - restriction: || (== netcoreapp2.2) (&& (== netstandard2.0) (>= netcoreapp2.2))
      Microsoft.AspNetCore.Mvc.Razor.Extensions (>= 2.2 < 2.3) - restriction: || (== netcoreapp2.2) (&& (== netstandard2.0) (>= netcoreapp2.2))
      Microsoft.AspNetCore.Mvc.Razor.ViewCompilation (>= 2.2 < 2.3) - restriction: || (== netcoreapp2.2) (&& (== netstandard2.0) (>= netcoreapp2.2))
      Microsoft.AspNetCore.Mvc.RazorPages (>= 2.2 < 2.3) - restriction: || (== netcoreapp2.2) (&& (== netstandard2.0) (>= netcoreapp2.2))
      Microsoft.AspNetCore.Mvc.TagHelpers (>= 2.2 < 2.3) - restriction: || (== netcoreapp2.2) (&& (== netstandard2.0) (>= netcoreapp2.2))
      Microsoft.AspNetCore.Mvc.ViewFeatures (>= 2.2 < 2.3) - restriction: || (== netcoreapp2.2) (&& (== netstandard2.0) (>= netcoreapp2.2))
      Microsoft.AspNetCore.NodeServices (>= 2.2 < 2.3) - restriction: || (== netcoreapp2.2) (&& (== netstandard2.0) (>= netcoreapp2.2))
      Microsoft.AspNetCore.Owin (>= 2.2 < 2.3) - restriction: || (== netcoreapp2.2) (&& (== netstandard2.0) (>= netcoreapp2.2))
      Microsoft.AspNetCore.Razor (>= 2.2 < 2.3) - restriction: || (== netcoreapp2.2) (&& (== netstandard2.0) (>= netcoreapp2.2))
      Microsoft.AspNetCore.Razor.Design (>= 2.2 < 2.3) - restriction: || (== netcoreapp2.2) (&& (== netstandard2.0) (>= netcoreapp2.2))
      Microsoft.AspNetCore.Razor.Language (>= 2.2 < 2.3) - restriction: || (== netcoreapp2.2) (&& (== netstandard2.0) (>= netcoreapp2.2))
      Microsoft.AspNetCore.Razor.Runtime (>= 2.2 < 2.3) - restriction: || (== netcoreapp2.2) (&& (== netstandard2.0) (>= netcoreapp2.2))
      Microsoft.AspNetCore.ResponseCaching (>= 2.2 < 2.3) - restriction: || (== netcoreapp2.2) (&& (== netstandard2.0) (>= netcoreapp2.2))
      Microsoft.AspNetCore.ResponseCaching.Abstractions (>= 2.2 < 2.3) - restriction: || (== netcoreapp2.2) (&& (== netstandard2.0) (>= netcoreapp2.2))
      Microsoft.AspNetCore.ResponseCompression (>= 2.2 < 2.3) - restriction: || (== netcoreapp2.2) (&& (== netstandard2.0) (>= netcoreapp2.2))
      Microsoft.AspNetCore.Rewrite (>= 2.2 < 2.3) - restriction: || (== netcoreapp2.2) (&& (== netstandard2.0) (>= netcoreapp2.2))
      Microsoft.AspNetCore.Routing (>= 2.2 < 2.3) - restriction: || (== netcoreapp2.2) (&& (== netstandard2.0) (>= netcoreapp2.2))
      Microsoft.AspNetCore.Routing.Abstractions (>= 2.2 < 2.3) - restriction: || (== netcoreapp2.2) (&& (== netstandard2.0) (>= netcoreapp2.2))
      Microsoft.AspNetCore.Server.HttpSys (>= 2.2 < 2.3) - restriction: || (== netcoreapp2.2) (&& (== netstandard2.0) (>= netcoreapp2.2))
      Microsoft.AspNetCore.Server.IIS (>= 2.2 < 2.3) - restriction: || (== netcoreapp2.2) (&& (== netstandard2.0) (>= netcoreapp2.2))
      Microsoft.AspNetCore.Server.IISIntegration (>= 2.2 < 2.3) - restriction: || (== netcoreapp2.2) (&& (== netstandard2.0) (>= netcoreapp2.2))
      Microsoft.AspNetCore.Server.Kestrel (>= 2.2 < 2.3) - restriction: || (== netcoreapp2.2) (&& (== netstandard2.0) (>= netcoreapp2.2))
      Microsoft.AspNetCore.Server.Kestrel.Core (>= 2.2 < 2.3) - restriction: || (== netcoreapp2.2) (&& (== netstandard2.0) (>= netcoreapp2.2))
      Microsoft.AspNetCore.Server.Kestrel.Https (>= 2.2 < 2.3) - restriction: || (== netcoreapp2.2) (&& (== netstandard2.0) (>= netcoreapp2.2))
      Microsoft.AspNetCore.Server.Kestrel.Transport.Abstractions (>= 2.2 < 2.3) - restriction: || (== netcoreapp2.2) (&& (== netstandard2.0) (>= netcoreapp2.2))
      Microsoft.AspNetCore.Server.Kestrel.Transport.Sockets (>= 2.2 < 2.3) - restriction: || (== netcoreapp2.2) (&& (== netstandard2.0) (>= netcoreapp2.2))
      Microsoft.AspNetCore.Session (>= 2.2 < 2.3) - restriction: || (== netcoreapp2.2) (&& (== netstandard2.0) (>= netcoreapp2.2))
      Microsoft.AspNetCore.SignalR (>= 1.1 < 1.2) - restriction: || (== netcoreapp2.2) (&& (== netstandard2.0) (>= netcoreapp2.2))
      Microsoft.AspNetCore.SignalR.Common (>= 1.1 < 1.2) - restriction: || (== netcoreapp2.2) (&& (== netstandard2.0) (>= netcoreapp2.2))
      Microsoft.AspNetCore.SignalR.Core (>= 1.1 < 1.2) - restriction: || (== netcoreapp2.2) (&& (== netstandard2.0) (>= netcoreapp2.2))
      Microsoft.AspNetCore.SignalR.Protocols.Json (>= 1.1 < 1.2) - restriction: || (== netcoreapp2.2) (&& (== netstandard2.0) (>= netcoreapp2.2))
      Microsoft.AspNetCore.SpaServices (>= 2.2 < 2.3) - restriction: || (== netcoreapp2.2) (&& (== netstandard2.0) (>= netcoreapp2.2))
      Microsoft.AspNetCore.SpaServices.Extensions (>= 2.2 < 2.3) - restriction: || (== netcoreapp2.2) (&& (== netstandard2.0) (>= netcoreapp2.2))
      Microsoft.AspNetCore.StaticFiles (>= 2.2 < 2.3) - restriction: || (== netcoreapp2.2) (&& (== netstandard2.0) (>= netcoreapp2.2))
      Microsoft.AspNetCore.WebSockets (>= 2.2 < 2.3) - restriction: || (== netcoreapp2.2) (&& (== netstandard2.0) (>= netcoreapp2.2))
      Microsoft.AspNetCore.WebUtilities (>= 2.2 < 2.3) - restriction: || (== netcoreapp2.2) (&& (== netstandard2.0) (>= netcoreapp2.2))
      Microsoft.CodeAnalysis.Razor (>= 2.2 < 2.3) - restriction: || (== netcoreapp2.2) (&& (== netstandard2.0) (>= netcoreapp2.2))
      Microsoft.EntityFrameworkCore (>= 2.2 < 2.3) - restriction: || (== netcoreapp2.2) (&& (== netstandard2.0) (>= netcoreapp2.2))
      Microsoft.EntityFrameworkCore.Abstractions (>= 2.2 < 2.3) - restriction: || (== netcoreapp2.2) (&& (== netstandard2.0) (>= netcoreapp2.2))
      Microsoft.EntityFrameworkCore.Analyzers (>= 2.2 < 2.3) - restriction: || (== netcoreapp2.2) (&& (== netstandard2.0) (>= netcoreapp2.2))
      Microsoft.EntityFrameworkCore.Design (>= 2.2 < 2.3) - restriction: || (== netcoreapp2.2) (&& (== netstandard2.0) (>= netcoreapp2.2))
      Microsoft.EntityFrameworkCore.InMemory (>= 2.2 < 2.3) - restriction: || (== netcoreapp2.2) (&& (== netstandard2.0) (>= netcoreapp2.2))
      Microsoft.EntityFrameworkCore.Relational (>= 2.2 < 2.3) - restriction: || (== netcoreapp2.2) (&& (== netstandard2.0) (>= netcoreapp2.2))
      Microsoft.EntityFrameworkCore.SqlServer (>= 2.2 < 2.3) - restriction: || (== netcoreapp2.2) (&& (== netstandard2.0) (>= netcoreapp2.2))
      Microsoft.EntityFrameworkCore.Tools (>= 2.2 < 2.3) - restriction: || (== netcoreapp2.2) (&& (== netstandard2.0) (>= netcoreapp2.2))
      Microsoft.Extensions.Caching.Abstractions (>= 2.2 < 2.3) - restriction: || (== netcoreapp2.2) (&& (== netstandard2.0) (>= netcoreapp2.2))
      Microsoft.Extensions.Caching.Memory (>= 2.2 < 2.3) - restriction: || (== netcoreapp2.2) (&& (== netstandard2.0) (>= netcoreapp2.2))
      Microsoft.Extensions.Caching.SqlServer (>= 2.2 < 2.3) - restriction: || (== netcoreapp2.2) (&& (== netstandard2.0) (>= netcoreapp2.2))
      Microsoft.Extensions.Configuration (>= 2.2 < 2.3) - restriction: || (== netcoreapp2.2) (&& (== netstandard2.0) (>= netcoreapp2.2))
      Microsoft.Extensions.Configuration.Abstractions (>= 2.2 < 2.3) - restriction: || (== netcoreapp2.2) (&& (== netstandard2.0) (>= netcoreapp2.2))
      Microsoft.Extensions.Configuration.Binder (>= 2.2 < 2.3) - restriction: || (== netcoreapp2.2) (&& (== netstandard2.0) (>= netcoreapp2.2))
      Microsoft.Extensions.Configuration.CommandLine (>= 2.2 < 2.3) - restriction: || (== netcoreapp2.2) (&& (== netstandard2.0) (>= netcoreapp2.2))
      Microsoft.Extensions.Configuration.EnvironmentVariables (>= 2.2 < 2.3) - restriction: || (== netcoreapp2.2) (&& (== netstandard2.0) (>= netcoreapp2.2))
      Microsoft.Extensions.Configuration.FileExtensions (>= 2.2 < 2.3) - restriction: || (== netcoreapp2.2) (&& (== netstandard2.0) (>= netcoreapp2.2))
      Microsoft.Extensions.Configuration.Ini (>= 2.2 < 2.3) - restriction: || (== netcoreapp2.2) (&& (== netstandard2.0) (>= netcoreapp2.2))
      Microsoft.Extensions.Configuration.Json (>= 2.2 < 2.3) - restriction: || (== netcoreapp2.2) (&& (== netstandard2.0) (>= netcoreapp2.2))
      Microsoft.Extensions.Configuration.KeyPerFile (>= 2.2 < 2.3) - restriction: || (== netcoreapp2.2) (&& (== netstandard2.0) (>= netcoreapp2.2))
      Microsoft.Extensions.Configuration.UserSecrets (>= 2.2 < 2.3) - restriction: || (== netcoreapp2.2) (&& (== netstandard2.0) (>= netcoreapp2.2))
      Microsoft.Extensions.Configuration.Xml (>= 2.2 < 2.3) - restriction: || (== netcoreapp2.2) (&& (== netstandard2.0) (>= netcoreapp2.2))
      Microsoft.Extensions.DependencyInjection (>= 2.2 < 2.3) - restriction: || (== netcoreapp2.2) (&& (== netstandard2.0) (>= netcoreapp2.2))
      Microsoft.Extensions.DependencyInjection.Abstractions (>= 2.2 < 2.3) - restriction: || (== netcoreapp2.2) (&& (== netstandard2.0) (>= netcoreapp2.2))
      Microsoft.Extensions.DiagnosticAdapter (>= 2.2 < 2.3) - restriction: || (== netcoreapp2.2) (&& (== netstandard2.0) (>= netcoreapp2.2))
      Microsoft.Extensions.Diagnostics.HealthChecks (>= 2.2 < 2.3) - restriction: || (== netcoreapp2.2) (&& (== netstandard2.0) (>= netcoreapp2.2))
      Microsoft.Extensions.Diagnostics.HealthChecks.Abstractions (>= 2.2 < 2.3) - restriction: || (== netcoreapp2.2) (&& (== netstandard2.0) (>= netcoreapp2.2))
      Microsoft.Extensions.FileProviders.Abstractions (>= 2.2 < 2.3) - restriction: || (== netcoreapp2.2) (&& (== netstandard2.0) (>= netcoreapp2.2))
      Microsoft.Extensions.FileProviders.Composite (>= 2.2 < 2.3) - restriction: || (== netcoreapp2.2) (&& (== netstandard2.0) (>= netcoreapp2.2))
      Microsoft.Extensions.FileProviders.Embedded (>= 2.2 < 2.3) - restriction: || (== netcoreapp2.2) (&& (== netstandard2.0) (>= netcoreapp2.2))
      Microsoft.Extensions.FileProviders.Physical (>= 2.2 < 2.3) - restriction: || (== netcoreapp2.2) (&& (== netstandard2.0) (>= netcoreapp2.2))
      Microsoft.Extensions.FileSystemGlobbing (>= 2.2 < 2.3) - restriction: || (== netcoreapp2.2) (&& (== netstandard2.0) (>= netcoreapp2.2))
      Microsoft.Extensions.Hosting (>= 2.2 < 2.3) - restriction: || (== netcoreapp2.2) (&& (== netstandard2.0) (>= netcoreapp2.2))
      Microsoft.Extensions.Hosting.Abstractions (>= 2.2 < 2.3) - restriction: || (== netcoreapp2.2) (&& (== netstandard2.0) (>= netcoreapp2.2))
      Microsoft.Extensions.Http (>= 2.2 < 2.3) - restriction: || (== netcoreapp2.2) (&& (== netstandard2.0) (>= netcoreapp2.2))
      Microsoft.Extensions.Identity.Core (>= 2.2 < 2.3) - restriction: || (== netcoreapp2.2) (&& (== netstandard2.0) (>= netcoreapp2.2))
      Microsoft.Extensions.Identity.Stores (>= 2.2 < 2.3) - restriction: || (== netcoreapp2.2) (&& (== netstandard2.0) (>= netcoreapp2.2))
      Microsoft.Extensions.Localization (>= 2.2 < 2.3) - restriction: || (== netcoreapp2.2) (&& (== netstandard2.0) (>= netcoreapp2.2))
      Microsoft.Extensions.Localization.Abstractions (>= 2.2 < 2.3) - restriction: || (== netcoreapp2.2) (&& (== netstandard2.0) (>= netcoreapp2.2))
      Microsoft.Extensions.Logging (>= 2.2 < 2.3) - restriction: || (== netcoreapp2.2) (&& (== netstandard2.0) (>= netcoreapp2.2))
      Microsoft.Extensions.Logging.Abstractions (>= 2.2 < 2.3) - restriction: || (== netcoreapp2.2) (&& (== netstandard2.0) (>= netcoreapp2.2))
      Microsoft.Extensions.Logging.Configuration (>= 2.2 < 2.3) - restriction: || (== netcoreapp2.2) (&& (== netstandard2.0) (>= netcoreapp2.2))
      Microsoft.Extensions.Logging.Console (>= 2.2 < 2.3) - restriction: || (== netcoreapp2.2) (&& (== netstandard2.0) (>= netcoreapp2.2))
      Microsoft.Extensions.Logging.Debug (>= 2.2 < 2.3) - restriction: || (== netcoreapp2.2) (&& (== netstandard2.0) (>= netcoreapp2.2))
      Microsoft.Extensions.Logging.EventSource (>= 2.2 < 2.3) - restriction: || (== netcoreapp2.2) (&& (== netstandard2.0) (>= netcoreapp2.2))
      Microsoft.Extensions.Logging.TraceSource (>= 2.2 < 2.3) - restriction: || (== netcoreapp2.2) (&& (== netstandard2.0) (>= netcoreapp2.2))
      Microsoft.Extensions.ObjectPool (>= 2.2 < 2.3) - restriction: || (== netcoreapp2.2) (&& (== netstandard2.0) (>= netcoreapp2.2))
      Microsoft.Extensions.Options (>= 2.2 < 2.3) - restriction: || (== netcoreapp2.2) (&& (== netstandard2.0) (>= netcoreapp2.2))
      Microsoft.Extensions.Options.ConfigurationExtensions (>= 2.2 < 2.3) - restriction: || (== netcoreapp2.2) (&& (== netstandard2.0) (>= netcoreapp2.2))
      Microsoft.Extensions.Options.DataAnnotations (>= 2.2 < 2.3) - restriction: || (== netcoreapp2.2) (&& (== netstandard2.0) (>= netcoreapp2.2))
      Microsoft.Extensions.Primitives (>= 2.2 < 2.3) - restriction: || (== netcoreapp2.2) (&& (== netstandard2.0) (>= netcoreapp2.2))
      Microsoft.Extensions.WebEncoders (>= 2.2 < 2.3) - restriction: || (== netcoreapp2.2) (&& (== netstandard2.0) (>= netcoreapp2.2))
      Microsoft.Net.Http.Headers (>= 2.2 < 2.3) - restriction: || (== netcoreapp2.2) (&& (== netstandard2.0) (>= netcoreapp2.2))
      System.IO.Pipelines (>= 4.5.2) - restriction: || (== netcoreapp2.2) (&& (== netstandard2.0) (>= netcoreapp2.2))
    Microsoft.AspNetCore.Authentication (2.2)
      Microsoft.AspNetCore.Authentication.Core (>= 2.2)
      Microsoft.AspNetCore.DataProtection (>= 2.2)
      Microsoft.AspNetCore.Http (>= 2.2)
      Microsoft.AspNetCore.Http.Extensions (>= 2.2)
      Microsoft.Extensions.Logging.Abstractions (>= 2.2)
      Microsoft.Extensions.Options (>= 2.2)
      Microsoft.Extensions.WebEncoders (>= 2.2)
    Microsoft.AspNetCore.Authentication.Abstractions (2.2) - restriction: || (== netcoreapp2.2) (&& (== netstandard2.0) (>= netcoreapp2.2))
      Microsoft.AspNetCore.Http.Abstractions (>= 2.2)
      Microsoft.Extensions.Logging.Abstractions (>= 2.2)
      Microsoft.Extensions.Options (>= 2.2)
    Microsoft.AspNetCore.Authentication.Cookies (2.2) - restriction: || (== netcoreapp2.2) (&& (== netstandard2.0) (>= netcoreapp2.2))
      Microsoft.AspNetCore.Authentication (>= 2.2)
    Microsoft.AspNetCore.Authentication.Core (2.2) - restriction: || (== netcoreapp2.2) (&& (== netstandard2.0) (>= netcoreapp2.2))
      Microsoft.AspNetCore.Authentication.Abstractions (>= 2.2)
      Microsoft.AspNetCore.Http (>= 2.2)
      Microsoft.AspNetCore.Http.Extensions (>= 2.2)
    Microsoft.AspNetCore.Authentication.Facebook (2.2) - restriction: || (== netcoreapp2.2) (&& (== netstandard2.0) (>= netcoreapp2.2))
      Microsoft.AspNetCore.Authentication.OAuth (>= 2.2)
    Microsoft.AspNetCore.Authentication.Google (2.2) - restriction: || (== netcoreapp2.2) (&& (== netstandard2.0) (>= netcoreapp2.2))
      Microsoft.AspNetCore.Authentication.OAuth (>= 2.2)
    Microsoft.AspNetCore.Authentication.JwtBearer (2.2) - restriction: || (== netcoreapp2.2) (&& (== netstandard2.0) (>= netcoreapp2.2))
      Microsoft.AspNetCore.Authentication (>= 2.2)
      Microsoft.IdentityModel.Protocols.OpenIdConnect (>= 5.3)
    Microsoft.AspNetCore.Authentication.MicrosoftAccount (2.2) - restriction: || (== netcoreapp2.2) (&& (== netstandard2.0) (>= netcoreapp2.2))
      Microsoft.AspNetCore.Authentication.OAuth (>= 2.2)
    Microsoft.AspNetCore.Authentication.OAuth (2.2) - restriction: || (== netcoreapp2.2) (&& (== netstandard2.0) (>= netcoreapp2.2))
      Microsoft.AspNetCore.Authentication (>= 2.2)
      Newtonsoft.Json (>= 11.0.2)
    Microsoft.AspNetCore.Authentication.OpenIdConnect (2.2) - restriction: || (== netcoreapp2.2) (&& (== netstandard2.0) (>= netcoreapp2.2))
      Microsoft.AspNetCore.Authentication.OAuth (>= 2.2)
      Microsoft.IdentityModel.Protocols.OpenIdConnect (>= 5.3)
    Microsoft.AspNetCore.Authentication.Twitter (2.2) - restriction: || (== netcoreapp2.2) (&& (== netstandard2.0) (>= netcoreapp2.2))
      Microsoft.AspNetCore.Authentication.OAuth (>= 2.2)
    Microsoft.AspNetCore.Authentication.WsFederation (2.2) - restriction: || (== netcoreapp2.2) (&& (== netstandard2.0) (>= netcoreapp2.2))
      Microsoft.AspNetCore.Authentication (>= 2.2)
      Microsoft.IdentityModel.Protocols.WsFederation (>= 5.3)
      System.IdentityModel.Tokens.Jwt (>= 5.3)
    Microsoft.AspNetCore.Authorization (2.2)
      Microsoft.Extensions.Logging.Abstractions (>= 2.2)
      Microsoft.Extensions.Options (>= 2.2)
    Microsoft.AspNetCore.Authorization.Policy (2.2) - restriction: || (== netcoreapp2.2) (&& (== netstandard2.0) (>= netcoreapp2.2))
      Microsoft.AspNetCore.Authentication.Abstractions (>= 2.2)
      Microsoft.AspNetCore.Authorization (>= 2.2)
    Microsoft.AspNetCore.Connections.Abstractions (2.2) - restriction: || (== netcoreapp2.2) (&& (== netstandard2.0) (>= netcoreapp2.2))
      Microsoft.AspNetCore.Http.Features (>= 2.2)
      System.IO.Pipelines (>= 4.5.2)
    Microsoft.AspNetCore.CookiePolicy (2.2) - restriction: || (== netcoreapp2.2) (&& (== netstandard2.0) (>= netcoreapp2.2))
      Microsoft.AspNetCore.Http (>= 2.2)
      Microsoft.Extensions.Logging.Abstractions (>= 2.2)
      Microsoft.Extensions.Options (>= 2.2)
    Microsoft.AspNetCore.Cors (2.2) - restriction: || (== netcoreapp2.2) (&& (== netstandard2.0) (>= netcoreapp2.2))
      Microsoft.AspNetCore.Http.Extensions (>= 2.2)
      Microsoft.Extensions.Configuration.Abstractions (>= 2.2)
      Microsoft.Extensions.DependencyInjection.Abstractions (>= 2.2)
      Microsoft.Extensions.Logging.Abstractions (>= 2.2)
      Microsoft.Extensions.Options (>= 2.2)
    Microsoft.AspNetCore.Cryptography.Internal (2.2) - restriction: || (== netcoreapp2.2) (&& (== netstandard2.0) (>= netcoreapp2.2))
    Microsoft.AspNetCore.Cryptography.KeyDerivation (2.2) - restriction: || (== netcoreapp2.2) (&& (== netstandard2.0) (>= netcoreapp2.2))
      Microsoft.AspNetCore.Cryptography.Internal (>= 2.2)
    Microsoft.AspNetCore.DataProtection (2.2) - restriction: || (== netcoreapp2.2) (&& (== netstandard2.0) (>= netcoreapp2.2))
      Microsoft.AspNetCore.Cryptography.Internal (>= 2.2)
      Microsoft.AspNetCore.DataProtection.Abstractions (>= 2.2)
      Microsoft.AspNetCore.Hosting.Abstractions (>= 2.2)
      Microsoft.Extensions.DependencyInjection.Abstractions (>= 2.2)
      Microsoft.Extensions.Logging.Abstractions (>= 2.2)
      Microsoft.Extensions.Options (>= 2.2)
      Microsoft.Win32.Registry (>= 4.5)
      System.Security.Cryptography.Xml (>= 4.5)
      System.Security.Principal.Windows (>= 4.5)
    Microsoft.AspNetCore.DataProtection.Abstractions (2.2) - restriction: || (== netcoreapp2.2) (&& (== netstandard2.0) (>= netcoreapp2.2))
    Microsoft.AspNetCore.DataProtection.Extensions (2.2) - restriction: || (== netcoreapp2.2) (&& (== netstandard2.0) (>= netcoreapp2.2))
      Microsoft.AspNetCore.DataProtection (>= 2.2)
      Microsoft.Extensions.DependencyInjection (>= 2.2)
    Microsoft.AspNetCore.Diagnostics (2.2)
      Microsoft.AspNetCore.Diagnostics.Abstractions (>= 2.2)
      Microsoft.AspNetCore.Hosting.Abstractions (>= 2.2)
      Microsoft.AspNetCore.Http.Extensions (>= 2.2)
      Microsoft.AspNetCore.WebUtilities (>= 2.2)
      Microsoft.Extensions.FileProviders.Physical (>= 2.2)
      Microsoft.Extensions.Logging.Abstractions (>= 2.2)
      Microsoft.Extensions.Options (>= 2.2)
      System.Diagnostics.DiagnosticSource (>= 4.5)
      System.Reflection.Metadata (>= 1.6)
    Microsoft.AspNetCore.Diagnostics.Abstractions (2.2) - restriction: || (== netcoreapp2.2) (&& (== netstandard2.0) (>= netcoreapp2.2))
    Microsoft.AspNetCore.Diagnostics.EntityFrameworkCore (2.2) - restriction: || (== netcoreapp2.2) (&& (== netstandard2.0) (>= netcoreapp2.2))
      Microsoft.AspNetCore.Http.Abstractions (>= 2.2)
      Microsoft.EntityFrameworkCore.Relational (>= 2.2)
    Microsoft.AspNetCore.Diagnostics.HealthChecks (2.2) - restriction: || (== netcoreapp2.2) (&& (== netstandard2.0) (>= netcoreapp2.2))
      Microsoft.AspNetCore.Http.Abstractions (>= 2.2)
      Microsoft.Extensions.Diagnostics.HealthChecks (>= 2.2)
      Microsoft.Extensions.Options (>= 2.2)
      Microsoft.Net.Http.Headers (>= 2.2)
    Microsoft.AspNetCore.HostFiltering (2.2) - restriction: || (== netcoreapp2.2) (&& (== netstandard2.0) (>= netcoreapp2.2))
      Microsoft.AspNetCore.Hosting.Abstractions (>= 2.2)
      Microsoft.AspNetCore.Http (>= 2.2)
      Microsoft.AspNetCore.Http.Extensions (>= 2.2)
      Microsoft.Extensions.Options (>= 2.2)
    Microsoft.AspNetCore.Hosting (2.2) - restriction: || (== netcoreapp2.2) (&& (== netstandard2.0) (>= netcoreapp2.2))
      Microsoft.AspNetCore.Hosting.Abstractions (>= 2.2)
      Microsoft.AspNetCore.Http (>= 2.2)
      Microsoft.AspNetCore.Http.Extensions (>= 2.2)
      Microsoft.Extensions.Configuration (>= 2.2)
      Microsoft.Extensions.Configuration.EnvironmentVariables (>= 2.2)
      Microsoft.Extensions.Configuration.FileExtensions (>= 2.2)
      Microsoft.Extensions.DependencyInjection (>= 2.2)
      Microsoft.Extensions.FileProviders.Physical (>= 2.2)
      Microsoft.Extensions.Hosting.Abstractions (>= 2.2)
      Microsoft.Extensions.Logging (>= 2.2)
      Microsoft.Extensions.Options (>= 2.2)
      System.Diagnostics.DiagnosticSource (>= 4.5)
      System.Reflection.Metadata (>= 1.6)
    Microsoft.AspNetCore.Hosting.Abstractions (2.2)
      Microsoft.AspNetCore.Hosting.Server.Abstractions (>= 2.2)
      Microsoft.AspNetCore.Http.Abstractions (>= 2.2)
      Microsoft.Extensions.Hosting.Abstractions (>= 2.2)
    Microsoft.AspNetCore.Hosting.Server.Abstractions (2.2)
      Microsoft.AspNetCore.Http.Features (>= 2.2)
      Microsoft.Extensions.Configuration.Abstractions (>= 2.2)
    Microsoft.AspNetCore.Html.Abstractions (2.2) - restriction: || (== netcoreapp2.2) (&& (== netstandard2.0) (>= netcoreapp2.2))
      System.Text.Encodings.Web (>= 4.5)
    Microsoft.AspNetCore.Http (2.2) - restriction: || (== netcoreapp2.2) (&& (== netstandard2.0) (>= netcoreapp2.2))
      Microsoft.AspNetCore.Http.Abstractions (>= 2.2)
      Microsoft.AspNetCore.WebUtilities (>= 2.2)
      Microsoft.Extensions.ObjectPool (>= 2.2)
      Microsoft.Extensions.Options (>= 2.2)
      Microsoft.Net.Http.Headers (>= 2.2)
    Microsoft.AspNetCore.Http.Abstractions (2.2)
      Microsoft.AspNetCore.Http.Features (>= 2.2)
      System.Text.Encodings.Web (>= 4.5)
    Microsoft.AspNetCore.Http.Connections (1.1) - restriction: || (== netcoreapp2.2) (&& (== netstandard2.0) (>= netcoreapp2.2))
      Microsoft.AspNetCore.Authorization.Policy (>= 2.2)
      Microsoft.AspNetCore.Hosting.Abstractions (>= 2.2)
      Microsoft.AspNetCore.Http (>= 2.2)
      Microsoft.AspNetCore.Http.Connections.Common (>= 1.1)
      Microsoft.AspNetCore.Routing (>= 2.2)
      Microsoft.AspNetCore.WebSockets (>= 2.2)
      Newtonsoft.Json (>= 11.0.2)
      System.Security.Principal.Windows (>= 4.5)
    Microsoft.AspNetCore.Http.Connections.Common (1.1) - restriction: || (== netcoreapp2.2) (&& (== netstandard2.0) (>= netcoreapp2.2))
      Microsoft.AspNetCore.Connections.Abstractions (>= 2.2)
      Newtonsoft.Json (>= 11.0.2)
      System.Buffers (>= 4.5)
    Microsoft.AspNetCore.Http.Extensions (2.2)
      Microsoft.AspNetCore.Http.Abstractions (>= 2.2)
      Microsoft.Extensions.FileProviders.Abstractions (>= 2.2)
      Microsoft.Net.Http.Headers (>= 2.2)
      System.Buffers (>= 4.5)
    Microsoft.AspNetCore.Http.Features (2.2) - restriction: || (== netcoreapp2.2) (&& (== netstandard2.0) (>= netcoreapp2.2))
      Microsoft.Extensions.Primitives (>= 2.2)
    Microsoft.AspNetCore.HttpOverrides (2.2) - restriction: || (== netcoreapp2.2) (&& (== netstandard2.0) (>= netcoreapp2.2))
      Microsoft.AspNetCore.Http.Extensions (>= 2.2)
      Microsoft.Extensions.Logging.Abstractions (>= 2.2)
      Microsoft.Extensions.Options (>= 2.2)
    Microsoft.AspNetCore.HttpsPolicy (2.2) - restriction: || (== netcoreapp2.2) (&& (== netstandard2.0) (>= netcoreapp2.2))
      Microsoft.AspNetCore.Hosting.Abstractions (>= 2.2)
      Microsoft.AspNetCore.Http (>= 2.2)
      Microsoft.AspNetCore.Http.Extensions (>= 2.2)
      Microsoft.Extensions.Configuration.Binder (>= 2.2)
      Microsoft.Extensions.Options (>= 2.2)
    Microsoft.AspNetCore.Identity (2.2) - restriction: || (== netcoreapp2.2) (&& (== netstandard2.0) (>= netcoreapp2.2))
      Microsoft.AspNetCore.Authentication.Cookies (>= 2.2)
      Microsoft.AspNetCore.Cryptography.KeyDerivation (>= 2.2)
      Microsoft.AspNetCore.Hosting.Abstractions (>= 2.2)
      Microsoft.Extensions.Identity.Core (>= 2.2)
    Microsoft.AspNetCore.Identity.EntityFrameworkCore (2.2) - restriction: || (== netcoreapp2.2) (&& (== netstandard2.0) (>= netcoreapp2.2))
      Microsoft.AspNetCore.Identity (>= 2.2)
      Microsoft.EntityFrameworkCore.Relational (>= 2.2)
      Microsoft.Extensions.Identity.Stores (>= 2.2)
    Microsoft.AspNetCore.Identity.UI (2.2) - restriction: || (== netcoreapp2.2) (&& (== netstandard2.0) (>= netcoreapp2.2))
      Microsoft.AspNetCore.Identity (>= 2.2)
      Microsoft.AspNetCore.Mvc (>= 2.2)
      Microsoft.AspNetCore.StaticFiles (>= 2.2)
      Microsoft.Extensions.FileProviders.Embedded (>= 2.2)
      Microsoft.Extensions.Identity.Stores (>= 2.2)
    Microsoft.AspNetCore.JsonPatch (2.2) - restriction: || (== netcoreapp2.2) (&& (== netstandard2.0) (>= netcoreapp2.2))
      Microsoft.CSharp (>= 4.5)
      Newtonsoft.Json (>= 11.0.2)
    Microsoft.AspNetCore.Localization (2.2) - restriction: || (== netcoreapp2.2) (&& (== netstandard2.0) (>= netcoreapp2.2))
      Microsoft.AspNetCore.Http.Extensions (>= 2.2)
      Microsoft.Extensions.Localization.Abstractions (>= 2.2)
      Microsoft.Extensions.Logging.Abstractions (>= 2.2)
      Microsoft.Extensions.Options (>= 2.2)
    Microsoft.AspNetCore.Localization.Routing (2.2) - restriction: || (== netcoreapp2.2) (&& (== netstandard2.0) (>= netcoreapp2.2))
      Microsoft.AspNetCore.Localization (>= 2.2)
      Microsoft.AspNetCore.Routing.Abstractions (>= 2.2)
    Microsoft.AspNetCore.MiddlewareAnalysis (2.2) - restriction: || (== netcoreapp2.2) (&& (== netstandard2.0) (>= netcoreapp2.2))
      Microsoft.AspNetCore.Hosting.Abstractions (>= 2.2)
      Microsoft.Extensions.DependencyInjection.Abstractions (>= 2.2)
      System.Diagnostics.DiagnosticSource (>= 4.5)
    Microsoft.AspNetCore.Mvc (2.2)
      Microsoft.AspNetCore.Mvc.Analyzers (>= 2.2)
      Microsoft.AspNetCore.Mvc.ApiExplorer (>= 2.2)
      Microsoft.AspNetCore.Mvc.Cors (>= 2.2)
      Microsoft.AspNetCore.Mvc.DataAnnotations (>= 2.2)
      Microsoft.AspNetCore.Mvc.Formatters.Json (>= 2.2)
      Microsoft.AspNetCore.Mvc.Localization (>= 2.2)
      Microsoft.AspNetCore.Mvc.Razor.Extensions (>= 2.2)
      Microsoft.AspNetCore.Mvc.RazorPages (>= 2.2)
      Microsoft.AspNetCore.Mvc.TagHelpers (>= 2.2)
      Microsoft.AspNetCore.Mvc.ViewFeatures (>= 2.2)
      Microsoft.AspNetCore.Razor.Design (>= 2.2)
      Microsoft.Extensions.Caching.Memory (>= 2.2)
      Microsoft.Extensions.DependencyInjection (>= 2.2)
    Microsoft.AspNetCore.Mvc.Abstractions (2.2) - restriction: || (== netcoreapp2.2) (&& (== netstandard2.0) (>= netcoreapp2.2))
      Microsoft.AspNetCore.Routing.Abstractions (>= 2.2)
      Microsoft.Net.Http.Headers (>= 2.2)
    Microsoft.AspNetCore.Mvc.Analyzers (2.2) - restriction: || (== netcoreapp2.2) (&& (== netstandard2.0) (>= netcoreapp2.2))
    Microsoft.AspNetCore.Mvc.ApiExplorer (2.2) - restriction: || (== netcoreapp2.2) (&& (== netstandard2.0) (>= netcoreapp2.2))
      Microsoft.AspNetCore.Mvc.Core (>= 2.2)
    Microsoft.AspNetCore.Mvc.Core (2.2)
      Microsoft.AspNetCore.Authentication.Core (>= 2.2)
      Microsoft.AspNetCore.Authorization.Policy (>= 2.2)
      Microsoft.AspNetCore.Hosting.Abstractions (>= 2.2)
      Microsoft.AspNetCore.Http (>= 2.2)
      Microsoft.AspNetCore.Http.Extensions (>= 2.2)
      Microsoft.AspNetCore.Mvc.Abstractions (>= 2.2)
      Microsoft.AspNetCore.ResponseCaching.Abstractions (>= 2.2)
      Microsoft.AspNetCore.Routing (>= 2.2)
      Microsoft.AspNetCore.Routing.Abstractions (>= 2.2)
      Microsoft.Extensions.DependencyInjection (>= 2.2)
      Microsoft.Extensions.DependencyModel (>= 2.1)
      Microsoft.Extensions.FileProviders.Abstractions (>= 2.2)
      Microsoft.Extensions.Logging.Abstractions (>= 2.2)
      System.Diagnostics.DiagnosticSource (>= 4.5)
      System.Threading.Tasks.Extensions (>= 4.5.1)
    Microsoft.AspNetCore.Mvc.Cors (2.2) - restriction: || (== netcoreapp2.2) (&& (== netstandard2.0) (>= netcoreapp2.2))
      Microsoft.AspNetCore.Cors (>= 2.2)
      Microsoft.AspNetCore.Mvc.Core (>= 2.2)
    Microsoft.AspNetCore.Mvc.DataAnnotations (2.2) - restriction: || (== netcoreapp2.2) (&& (== netstandard2.0) (>= netcoreapp2.2))
      Microsoft.AspNetCore.Mvc.Core (>= 2.2)
      Microsoft.Extensions.Localization (>= 2.2)
      System.ComponentModel.Annotations (>= 4.5)
    Microsoft.AspNetCore.Mvc.Formatters.Json (2.2) - restriction: || (== netcoreapp2.2) (&& (== netstandard2.0) (>= netcoreapp2.2))
      Microsoft.AspNetCore.JsonPatch (>= 2.2)
      Microsoft.AspNetCore.Mvc.Core (>= 2.2)
    Microsoft.AspNetCore.Mvc.Formatters.Xml (2.2) - restriction: || (== netcoreapp2.2) (&& (== netstandard2.0) (>= netcoreapp2.2))
      Microsoft.AspNetCore.Mvc.Core (>= 2.2)
    Microsoft.AspNetCore.Mvc.Localization (2.2) - restriction: || (== netcoreapp2.2) (&& (== netstandard2.0) (>= netcoreapp2.2))
      Microsoft.AspNetCore.Localization (>= 2.2)
      Microsoft.AspNetCore.Mvc.Razor (>= 2.2)
      Microsoft.Extensions.DependencyInjection (>= 2.2)
      Microsoft.Extensions.Localization (>= 2.2)
    Microsoft.AspNetCore.Mvc.Razor (2.2) - restriction: || (== netcoreapp2.2) (&& (== netstandard2.0) (>= netcoreapp2.2))
      Microsoft.AspNetCore.Mvc.Razor.Extensions (>= 2.2)
      Microsoft.AspNetCore.Mvc.ViewFeatures (>= 2.2)
      Microsoft.AspNetCore.Razor.Runtime (>= 2.2)
      Microsoft.CodeAnalysis.CSharp (>= 2.8)
      Microsoft.CodeAnalysis.Razor (>= 2.2)
      Microsoft.Extensions.Caching.Memory (>= 2.2)
      Microsoft.Extensions.FileProviders.Composite (>= 2.2)
    Microsoft.AspNetCore.Mvc.Razor.Extensions (2.2) - restriction: || (== netcoreapp2.2) (&& (== netstandard2.0) (>= netcoreapp2.2))
      Microsoft.AspNetCore.Razor.Language (>= 2.2)
      Microsoft.CodeAnalysis.Razor (>= 2.2)
    Microsoft.AspNetCore.Mvc.Razor.ViewCompilation (2.2) - restriction: || (== netcoreapp2.2) (&& (== netstandard2.0) (>= netcoreapp2.2))
      Microsoft.AspNetCore.Hosting (>= 2.2) - restriction: || (== netcoreapp2.2) (&& (== netstandard2.0) (>= net461)) (&& (== netstandard2.0) (>= netcoreapp2.0))
      Microsoft.AspNetCore.Mvc.RazorPages (>= 2.2) - restriction: || (== netcoreapp2.2) (&& (== netstandard2.0) (>= net461)) (&& (== netstandard2.0) (>= netcoreapp2.0))
    Microsoft.AspNetCore.Mvc.RazorPages (2.2) - restriction: || (== netcoreapp2.2) (&& (== netstandard2.0) (>= netcoreapp2.2))
      Microsoft.AspNetCore.Mvc.Razor (>= 2.2)
    Microsoft.AspNetCore.Mvc.TagHelpers (2.2) - restriction: || (== netcoreapp2.2) (&& (== netstandard2.0) (>= netcoreapp2.2))
      Microsoft.AspNetCore.Mvc.Razor (>= 2.2)
      Microsoft.AspNetCore.Razor.Runtime (>= 2.2)
      Microsoft.AspNetCore.Routing.Abstractions (>= 2.2)
      Microsoft.Extensions.Caching.Memory (>= 2.2)
      Microsoft.Extensions.FileSystemGlobbing (>= 2.2)
      Microsoft.Extensions.Primitives (>= 2.2)
    Microsoft.AspNetCore.Mvc.ViewFeatures (2.2) - restriction: || (== netcoreapp2.2) (&& (== netstandard2.0) (>= netcoreapp2.2))
      Microsoft.AspNetCore.Antiforgery (>= 2.2)
      Microsoft.AspNetCore.Diagnostics.Abstractions (>= 2.2)
      Microsoft.AspNetCore.Html.Abstractions (>= 2.2)
      Microsoft.AspNetCore.Mvc.Core (>= 2.2)
      Microsoft.AspNetCore.Mvc.DataAnnotations (>= 2.2)
      Microsoft.AspNetCore.Mvc.Formatters.Json (>= 2.2)
      Microsoft.Extensions.WebEncoders (>= 2.2)
      Newtonsoft.Json.Bson (>= 1.0.1)
    Microsoft.AspNetCore.NodeServices (2.2) - restriction: || (== netcoreapp2.2) (&& (== netstandard2.0) (>= netcoreapp2.2))
      Microsoft.AspNetCore.Hosting.Abstractions (>= 2.2)
      Microsoft.Extensions.Logging.Console (>= 2.2)
      Newtonsoft.Json (>= 11.0.2)
    Microsoft.AspNetCore.Owin (2.2) - restriction: || (== netcoreapp2.2) (&& (== netstandard2.0) (>= netcoreapp2.2))
      Microsoft.AspNetCore.Http (>= 2.2)
    Microsoft.AspNetCore.Razor (2.2) - restriction: || (== netcoreapp2.2) (&& (== netstandard2.0) (>= netcoreapp2.2))
      Microsoft.AspNetCore.Html.Abstractions (>= 2.2)
    Microsoft.AspNetCore.Razor.Design (2.2) - restriction: || (== netcoreapp2.2) (&& (== netstandard2.0) (>= netcoreapp2.2))
    Microsoft.AspNetCore.Razor.Language (2.2) - restriction: || (== netcoreapp2.2) (&& (== netstandard2.0) (>= netcoreapp2.2))
    Microsoft.AspNetCore.Razor.Runtime (2.2) - restriction: || (== netcoreapp2.2) (&& (== netstandard2.0) (>= netcoreapp2.2))
      Microsoft.AspNetCore.Html.Abstractions (>= 2.2)
      Microsoft.AspNetCore.Razor (>= 2.2)
    Microsoft.AspNetCore.ResponseCaching (2.2)
      Microsoft.AspNetCore.Http (>= 2.2)
      Microsoft.AspNetCore.Http.Extensions (>= 2.2)
      Microsoft.AspNetCore.ResponseCaching.Abstractions (>= 2.2)
      Microsoft.Extensions.Caching.Memory (>= 2.2)
      Microsoft.Extensions.Logging.Abstractions (>= 2.2)
    Microsoft.AspNetCore.ResponseCaching.Abstractions (2.2) - restriction: || (== netcoreapp2.2) (&& (== netstandard2.0) (>= netcoreapp2.2))
      Microsoft.Extensions.Primitives (>= 2.2)
    Microsoft.AspNetCore.ResponseCompression (2.2) - restriction: || (== netcoreapp2.2) (&& (== netstandard2.0) (>= netcoreapp2.2))
      Microsoft.AspNetCore.Http.Extensions (>= 2.2)
      Microsoft.Extensions.Logging.Abstractions (>= 2.2)
      Microsoft.Extensions.Options (>= 2.2)
    Microsoft.AspNetCore.Rewrite (2.2) - restriction: || (== netcoreapp2.2) (&& (== netstandard2.0) (>= netcoreapp2.2))
      Microsoft.AspNetCore.Hosting.Abstractions (>= 2.2)
      Microsoft.AspNetCore.Http.Extensions (>= 2.2)
      Microsoft.Extensions.Configuration.Abstractions (>= 2.2)
      Microsoft.Extensions.FileProviders.Abstractions (>= 2.2)
      Microsoft.Extensions.Logging.Abstractions (>= 2.2)
      Microsoft.Extensions.Options (>= 2.2)
    Microsoft.AspNetCore.Routing (2.2)
      Microsoft.AspNetCore.Http.Extensions (>= 2.2)
      Microsoft.AspNetCore.Routing.Abstractions (>= 2.2)
      Microsoft.Extensions.Logging.Abstractions (>= 2.2)
      Microsoft.Extensions.ObjectPool (>= 2.2)
      Microsoft.Extensions.Options (>= 2.2)
    Microsoft.AspNetCore.Routing.Abstractions (2.2)
      Microsoft.AspNetCore.Http.Abstractions (>= 2.2)
    Microsoft.AspNetCore.Server.HttpSys (2.2) - restriction: || (== netcoreapp2.2) (&& (== netstandard2.0) (>= netcoreapp2.2))
      Microsoft.AspNetCore.Authentication.Core (>= 2.2)
      Microsoft.AspNetCore.Hosting (>= 2.2)
      Microsoft.Net.Http.Headers (>= 2.2)
      Microsoft.Win32.Registry (>= 4.5)
      System.Security.Principal.Windows (>= 4.5)
    Microsoft.AspNetCore.Server.IIS (2.2) - restriction: || (== netcoreapp2.2) (&& (== netstandard2.0) (>= netcoreapp2.2))
      Microsoft.AspNetCore.Authentication.Core (>= 2.2)
      Microsoft.AspNetCore.Connections.Abstractions (>= 2.2)
      Microsoft.AspNetCore.Hosting.Abstractions (>= 2.2)
      System.IO.Pipelines (>= 4.5.2)
      System.Security.Principal.Windows (>= 4.5)
    Microsoft.AspNetCore.Server.IISIntegration (2.2) - restriction: || (== netcoreapp2.2) (&& (== netstandard2.0) (>= netcoreapp2.2))
      Microsoft.AspNetCore.Authentication.Core (>= 2.2)
      Microsoft.AspNetCore.Hosting.Abstractions (>= 2.2)
      Microsoft.AspNetCore.Http (>= 2.2)
      Microsoft.AspNetCore.Http.Extensions (>= 2.2)
      Microsoft.AspNetCore.HttpOverrides (>= 2.2)
      Microsoft.Extensions.Logging.Abstractions (>= 2.2)
      Microsoft.Extensions.Options (>= 2.2)
      System.Buffers (>= 4.5)
      System.IO.Pipelines (>= 4.5.2)
      System.Memory (>= 4.5.1)
      System.Numerics.Vectors (>= 4.5)
      System.Runtime.CompilerServices.Unsafe (>= 4.5.1)
      System.Security.Principal.Windows (>= 4.5)
    Microsoft.AspNetCore.Server.Kestrel (2.2) - restriction: || (== netcoreapp2.2) (&& (== netstandard2.0) (>= netcoreapp2.2))
      Microsoft.AspNetCore.Hosting (>= 2.2)
      Microsoft.AspNetCore.Server.Kestrel.Core (>= 2.2)
      Microsoft.AspNetCore.Server.Kestrel.Https (>= 2.2)
      Microsoft.AspNetCore.Server.Kestrel.Transport.Sockets (>= 2.2)
    Microsoft.AspNetCore.Server.Kestrel.Core (2.2) - restriction: || (== netcoreapp2.2) (&& (== netstandard2.0) (>= netcoreapp2.2))
      Microsoft.AspNetCore.Hosting.Abstractions (>= 2.2)
      Microsoft.AspNetCore.Http (>= 2.2)
      Microsoft.AspNetCore.Server.Kestrel.Transport.Abstractions (>= 2.2)
      Microsoft.AspNetCore.WebUtilities (>= 2.2)
      Microsoft.Extensions.Configuration.Binder (>= 2.2)
      Microsoft.Extensions.Logging.Abstractions (>= 2.2)
      Microsoft.Extensions.Options (>= 2.2)
      Microsoft.Net.Http.Headers (>= 2.2)
      System.Memory (>= 4.5.1)
      System.Numerics.Vectors (>= 4.5)
      System.Runtime.CompilerServices.Unsafe (>= 4.5.1)
      System.Security.Cryptography.Cng (>= 4.5)
      System.Threading.Tasks.Extensions (>= 4.5.1)
    Microsoft.AspNetCore.Server.Kestrel.Https (2.2) - restriction: || (== netcoreapp2.2) (&& (== netstandard2.0) (>= netcoreapp2.2))
      Microsoft.AspNetCore.Http.Abstractions (>= 2.2)
      Microsoft.AspNetCore.Server.Kestrel.Core (>= 2.2)
    Microsoft.AspNetCore.Server.Kestrel.Transport.Abstractions (2.2) - restriction: || (== netcoreapp2.2) (&& (== netstandard2.0) (>= netcoreapp2.2))
      Microsoft.AspNetCore.Connections.Abstractions (>= 2.2)
    Microsoft.AspNetCore.Server.Kestrel.Transport.Sockets (2.2) - restriction: || (== netcoreapp2.2) (&& (== netstandard2.0) (>= netcoreapp2.2))
      Microsoft.AspNetCore.Hosting.Abstractions (>= 2.2)
      Microsoft.AspNetCore.Server.Kestrel.Transport.Abstractions (>= 2.2)
      Microsoft.Extensions.Options (>= 2.2)
    Microsoft.AspNetCore.Session (2.2) - restriction: || (== netcoreapp2.2) (&& (== netstandard2.0) (>= netcoreapp2.2))
      Microsoft.AspNetCore.DataProtection (>= 2.2)
      Microsoft.AspNetCore.Http.Abstractions (>= 2.2)
      Microsoft.Extensions.Caching.Abstractions (>= 2.2)
      Microsoft.Extensions.Logging.Abstractions (>= 2.2)
      Microsoft.Extensions.Options (>= 2.2)
    Microsoft.AspNetCore.SignalR (1.1) - restriction: || (== netcoreapp2.2) (&& (== netstandard2.0) (>= netcoreapp2.2))
      Microsoft.AspNetCore.Http.Connections (>= 1.1)
      Microsoft.AspNetCore.SignalR.Core (>= 1.1)
    Microsoft.AspNetCore.SignalR.Common (1.1) - restriction: || (== netcoreapp2.2) (&& (== netstandard2.0) (>= netcoreapp2.2))
      Microsoft.AspNetCore.Connections.Abstractions (>= 2.2)
      Microsoft.Extensions.Options (>= 2.2)
      Newtonsoft.Json (>= 11.0.2)
      System.Buffers (>= 4.5)
    Microsoft.AspNetCore.SignalR.Core (1.1) - restriction: || (== netcoreapp2.2) (&& (== netstandard2.0) (>= netcoreapp2.2))
      Microsoft.AspNetCore.Authorization (>= 2.2)
      Microsoft.AspNetCore.SignalR.Common (>= 1.1)
      Microsoft.AspNetCore.SignalR.Protocols.Json (>= 1.1)
      Microsoft.Extensions.DependencyInjection.Abstractions (>= 2.2)
      Microsoft.Extensions.Logging.Abstractions (>= 2.2)
      System.Reflection.Emit (>= 4.3)
      System.Threading.Channels (>= 4.5)
    Microsoft.AspNetCore.SignalR.Protocols.Json (1.1) - restriction: || (== netcoreapp2.2) (&& (== netstandard2.0) (>= netcoreapp2.2))
      Microsoft.AspNetCore.SignalR.Common (>= 1.1)
      Newtonsoft.Json (>= 11.0.2)
    Microsoft.AspNetCore.SpaServices (2.2) - restriction: || (== netcoreapp2.2) (&& (== netstandard2.0) (>= netcoreapp2.2))
      Microsoft.AspNetCore.Mvc.TagHelpers (>= 2.2)
      Microsoft.AspNetCore.Mvc.ViewFeatures (>= 2.2)
      Microsoft.AspNetCore.NodeServices (>= 2.2)
    Microsoft.AspNetCore.SpaServices.Extensions (2.2) - restriction: || (== netcoreapp2.2) (&& (== netstandard2.0) (>= netcoreapp2.2))
      Microsoft.AspNetCore.SpaServices (>= 2.2)
      Microsoft.AspNetCore.StaticFiles (>= 2.2)
      Microsoft.AspNetCore.WebSockets (>= 2.2)
      Microsoft.Extensions.FileProviders.Physical (>= 2.2)
    Microsoft.AspNetCore.StaticFiles (2.2) - restriction: || (== netcoreapp2.2) (&& (== netstandard2.0) (>= netcoreapp2.2))
      Microsoft.AspNetCore.Hosting.Abstractions (>= 2.2)
      Microsoft.AspNetCore.Http.Extensions (>= 2.2)
      Microsoft.Extensions.FileProviders.Abstractions (>= 2.2)
      Microsoft.Extensions.Logging.Abstractions (>= 2.2)
      Microsoft.Extensions.WebEncoders (>= 2.2)
    Microsoft.AspNetCore.WebSockets (2.2) - restriction: || (== netcoreapp2.2) (&& (== netstandard2.0) (>= netcoreapp2.2))
      Microsoft.AspNetCore.Http.Extensions (>= 2.2)
      Microsoft.Extensions.Logging.Abstractions (>= 2.2)
      Microsoft.Extensions.Options (>= 2.2)
      System.Net.WebSockets.WebSocketProtocol (>= 4.5.1)
    Microsoft.AspNetCore.WebUtilities (2.2) - restriction: || (== netcoreapp2.2) (&& (== netstandard2.0) (>= netcoreapp2.2))
      Microsoft.Net.Http.Headers (>= 2.2)
      System.Text.Encodings.Web (>= 4.5)
    Microsoft.CodeAnalysis.Analyzers (2.6.2) - restriction: || (== netcoreapp2.2) (&& (== netstandard2.0) (>= netcoreapp2.2))
    Microsoft.CodeAnalysis.Common (2.10) - restriction: || (== netcoreapp2.2) (&& (== netstandard2.0) (>= netcoreapp2.2))
      Microsoft.CodeAnalysis.Analyzers (>= 2.6.1)
      System.AppContext (>= 4.3)
      System.Collections (>= 4.3)
      System.Collections.Concurrent (>= 4.3)
      System.Collections.Immutable (>= 1.5)
      System.Console (>= 4.3)
      System.Diagnostics.Debug (>= 4.3)
      System.Diagnostics.FileVersionInfo (>= 4.3)
      System.Diagnostics.StackTrace (>= 4.3)
      System.Diagnostics.Tools (>= 4.3)
      System.Dynamic.Runtime (>= 4.3)
      System.Globalization (>= 4.3)
      System.IO.Compression (>= 4.3)
      System.IO.FileSystem (>= 4.3)
      System.IO.FileSystem.Primitives (>= 4.3)
      System.Linq (>= 4.3)
      System.Linq.Expressions (>= 4.3)
      System.Reflection (>= 4.3)
      System.Reflection.Metadata (>= 1.6)
      System.Resources.ResourceManager (>= 4.3)
      System.Runtime (>= 4.3)
      System.Runtime.Extensions (>= 4.3)
      System.Runtime.InteropServices (>= 4.3)
      System.Runtime.Numerics (>= 4.3)
      System.Security.Cryptography.Algorithms (>= 4.3)
      System.Security.Cryptography.Encoding (>= 4.3)
      System.Security.Cryptography.X509Certificates (>= 4.3)
      System.Text.Encoding (>= 4.3)
      System.Text.Encoding.CodePages (>= 4.3)
      System.Text.Encoding.Extensions (>= 4.3)
      System.Threading (>= 4.3)
      System.Threading.Tasks (>= 4.3)
      System.Threading.Tasks.Extensions (>= 4.3)
      System.Threading.Tasks.Parallel (>= 4.3)
      System.Threading.Thread (>= 4.3)
      System.ValueTuple (>= 4.3)
      System.Xml.ReaderWriter (>= 4.3)
      System.Xml.XDocument (>= 4.3)
      System.Xml.XmlDocument (>= 4.3)
      System.Xml.XPath.XDocument (>= 4.3)
    Microsoft.CodeAnalysis.CSharp (2.10) - restriction: || (== netcoreapp2.2) (&& (== netstandard2.0) (>= netcoreapp2.2))
      Microsoft.CodeAnalysis.Common (2.10)
    Microsoft.CodeAnalysis.Razor (2.2) - restriction: || (== netcoreapp2.2) (&& (== netstandard2.0) (>= netcoreapp2.2))
      Microsoft.AspNetCore.Razor.Language (>= 2.2)
      Microsoft.CodeAnalysis.Common (>= 2.8)
      Microsoft.CodeAnalysis.CSharp (>= 2.8)
    Microsoft.CodeCoverage (15.9) - restriction: || (== netcoreapp2.2) (&& (== netstandard2.0) (>= net45)) (&& (== netstandard2.0) (>= netcoreapp1.0))
    Microsoft.CSharp (4.5)
    Microsoft.DotNet.PlatformAbstractions (2.1) - restriction: || (== netcoreapp2.2) (&& (== netstandard2.0) (>= netcoreapp2.2))
      System.AppContext (>= 4.1)
      System.Collections (>= 4.0.11)
      System.IO (>= 4.1)
      System.IO.FileSystem (>= 4.0.1)
      System.Reflection.TypeExtensions (>= 4.1)
      System.Runtime.Extensions (>= 4.1)
      System.Runtime.InteropServices (>= 4.1)
      System.Runtime.InteropServices.RuntimeInformation (>= 4.0)
    Microsoft.EntityFrameworkCore (2.2) - restriction: || (== netcoreapp2.2) (&& (== netstandard2.0) (>= netcoreapp2.2))
      Microsoft.EntityFrameworkCore.Abstractions (>= 2.2)
      Microsoft.EntityFrameworkCore.Analyzers (>= 2.2)
      Microsoft.Extensions.Caching.Memory (>= 2.2)
      Microsoft.Extensions.DependencyInjection (>= 2.2)
      Microsoft.Extensions.Logging (>= 2.2)
      Remotion.Linq (>= 2.2)
      System.Collections.Immutable (>= 1.5)
      System.ComponentModel.Annotations (>= 4.5)
      System.Diagnostics.DiagnosticSource (>= 4.5)
      System.Interactive.Async (>= 3.2)
    Microsoft.EntityFrameworkCore.Abstractions (2.2) - restriction: || (== netcoreapp2.2) (&& (== netstandard2.0) (>= netcoreapp2.2))
    Microsoft.EntityFrameworkCore.Analyzers (2.2) - restriction: || (== netcoreapp2.2) (&& (== netstandard2.0) (>= netcoreapp2.2))
    Microsoft.EntityFrameworkCore.Design (2.2) - restriction: || (== netcoreapp2.2) (&& (== netstandard2.0) (>= netcoreapp2.2))
      Microsoft.CSharp (>= 4.5)
      Microsoft.EntityFrameworkCore.Relational (>= 2.2)
    Microsoft.EntityFrameworkCore.InMemory (2.2) - restriction: || (== netcoreapp2.2) (&& (== netstandard2.0) (>= netcoreapp2.2))
      Microsoft.EntityFrameworkCore (>= 2.2)
    Microsoft.EntityFrameworkCore.Relational (2.2) - restriction: || (== netcoreapp2.2) (&& (== netstandard2.0) (>= netcoreapp2.2))
      Microsoft.EntityFrameworkCore (>= 2.2)
    Microsoft.EntityFrameworkCore.SqlServer (2.2) - restriction: || (== netcoreapp2.2) (&& (== netstandard2.0) (>= netcoreapp2.2))
      Microsoft.EntityFrameworkCore.Relational (>= 2.2)
      System.Data.SqlClient (>= 4.6)
    Microsoft.EntityFrameworkCore.Tools (2.2) - restriction: || (== netcoreapp2.2) (&& (== netstandard2.0) (>= netcoreapp2.2))
      Microsoft.EntityFrameworkCore.Design (>= 2.2)
    Microsoft.Extensions.Caching.Abstractions (2.2) - restriction: || (== netcoreapp2.2) (&& (== netstandard2.0) (>= netcoreapp2.2))
      Microsoft.Extensions.Primitives (>= 2.2)
    Microsoft.Extensions.Caching.Memory (2.2) - restriction: || (== netcoreapp2.2) (&& (== netstandard2.0) (>= netcoreapp2.2))
      Microsoft.Extensions.Caching.Abstractions (>= 2.2)
      Microsoft.Extensions.DependencyInjection.Abstractions (>= 2.2)
      Microsoft.Extensions.Options (>= 2.2)
    Microsoft.Extensions.Caching.SqlServer (2.2) - restriction: || (== netcoreapp2.2) (&& (== netstandard2.0) (>= netcoreapp2.2))
      Microsoft.Extensions.Caching.Abstractions (>= 2.2)
      Microsoft.Extensions.Options (>= 2.2)
      System.Data.SqlClient (>= 4.6)
    Microsoft.Extensions.Configuration (2.2) - restriction: || (== netcoreapp2.2) (&& (== netstandard2.0) (>= netcoreapp2.2))
      Microsoft.Extensions.Configuration.Abstractions (>= 2.2)
    Microsoft.Extensions.Configuration.Abstractions (2.2) - restriction: || (== netcoreapp2.2) (&& (== netstandard2.0) (>= netcoreapp2.2))
      Microsoft.Extensions.Primitives (>= 2.2)
    Microsoft.Extensions.Configuration.Binder (2.2)
      Microsoft.Extensions.Configuration (>= 2.2)
    Microsoft.Extensions.Configuration.CommandLine (2.2) - restriction: || (== netcoreapp2.2) (&& (== netstandard2.0) (>= netcoreapp2.2))
      Microsoft.Extensions.Configuration (>= 2.2)
    Microsoft.Extensions.Configuration.EnvironmentVariables (2.2) - restriction: || (== netcoreapp2.2) (&& (== netstandard2.0) (>= netcoreapp2.2))
      Microsoft.Extensions.Configuration (>= 2.2)
    Microsoft.Extensions.Configuration.FileExtensions (2.2) - restriction: || (== netcoreapp2.2) (&& (== netstandard2.0) (>= netcoreapp2.2))
      Microsoft.Extensions.Configuration (>= 2.2)
      Microsoft.Extensions.FileProviders.Physical (>= 2.2)
    Microsoft.Extensions.Configuration.Ini (2.2) - restriction: || (== netcoreapp2.2) (&& (== netstandard2.0) (>= netcoreapp2.2))
      Microsoft.Extensions.Configuration (>= 2.2)
      Microsoft.Extensions.Configuration.FileExtensions (>= 2.2)
    Microsoft.Extensions.Configuration.Json (2.2) - restriction: || (== netcoreapp2.2) (&& (== netstandard2.0) (>= netcoreapp2.2))
      Microsoft.Extensions.Configuration (>= 2.2)
      Microsoft.Extensions.Configuration.FileExtensions (>= 2.2)
      Newtonsoft.Json (>= 11.0.2)
    Microsoft.Extensions.Configuration.KeyPerFile (2.2) - restriction: || (== netcoreapp2.2) (&& (== netstandard2.0) (>= netcoreapp2.2))
      Microsoft.Extensions.Configuration (>= 2.2)
      Microsoft.Extensions.FileProviders.Physical (>= 2.2)
    Microsoft.Extensions.Configuration.UserSecrets (2.2) - restriction: || (== netcoreapp2.2) (&& (== netstandard2.0) (>= netcoreapp2.2))
      Microsoft.Extensions.Configuration.Json (>= 2.2)
    Microsoft.Extensions.Configuration.Xml (2.2) - restriction: || (== netcoreapp2.2) (&& (== netstandard2.0) (>= netcoreapp2.2))
      Microsoft.Extensions.Configuration (>= 2.2)
      Microsoft.Extensions.Configuration.FileExtensions (>= 2.2)
      System.Security.Cryptography.Xml (>= 4.5)
    Microsoft.Extensions.DependencyInjection (2.2)
      Microsoft.Extensions.DependencyInjection.Abstractions (>= 2.2)
    Microsoft.Extensions.DependencyInjection.Abstractions (2.2) - restriction: || (== netcoreapp2.2) (&& (== netstandard2.0) (>= netcoreapp2.2))
    Microsoft.Extensions.DependencyModel (2.1)
      Microsoft.DotNet.PlatformAbstractions (>= 2.1)
      Newtonsoft.Json (>= 9.0.1)
      System.Diagnostics.Debug (>= 4.0.11)
      System.Dynamic.Runtime (>= 4.0.11)
      System.Linq (>= 4.1)
    Microsoft.Extensions.DiagnosticAdapter (2.2) - restriction: || (== netcoreapp2.2) (&& (== netstandard2.0) (>= netcoreapp2.2))
      System.Diagnostics.DiagnosticSource (>= 4.5)
    Microsoft.Extensions.Diagnostics.HealthChecks (2.2) - restriction: || (== netcoreapp2.2) (&& (== netstandard2.0) (>= netcoreapp2.2))
      Microsoft.Extensions.Diagnostics.HealthChecks.Abstractions (>= 2.2)
      Microsoft.Extensions.Hosting.Abstractions (>= 2.2)
      Microsoft.Extensions.Options (>= 2.2)
    Microsoft.Extensions.Diagnostics.HealthChecks.Abstractions (2.2) - restriction: || (== netcoreapp2.2) (&& (== netstandard2.0) (>= netcoreapp2.2))
    Microsoft.Extensions.FileProviders.Abstractions (2.2) - restriction: || (== netcoreapp2.2) (&& (== netstandard2.0) (>= netcoreapp2.2))
      Microsoft.Extensions.Primitives (>= 2.2)
    Microsoft.Extensions.FileProviders.Composite (2.2) - restriction: || (== netcoreapp2.2) (&& (== netstandard2.0) (>= netcoreapp2.2))
      Microsoft.Extensions.FileProviders.Abstractions (>= 2.2)
    Microsoft.Extensions.FileProviders.Embedded (2.2) - restriction: || (== netcoreapp2.2) (&& (== netstandard2.0) (>= netcoreapp2.2))
      Microsoft.Extensions.FileProviders.Abstractions (>= 2.2)
    Microsoft.Extensions.FileProviders.Physical (2.2) - restriction: || (== netcoreapp2.2) (&& (== netstandard2.0) (>= netcoreapp2.2))
      Microsoft.Extensions.FileProviders.Abstractions (>= 2.2)
      Microsoft.Extensions.FileSystemGlobbing (>= 2.2)
    Microsoft.Extensions.FileSystemGlobbing (2.2) - restriction: || (== netcoreapp2.2) (&& (== netstandard2.0) (>= netcoreapp2.2))
    Microsoft.Extensions.Hosting (2.2) - restriction: || (== netcoreapp2.2) (&& (== netstandard2.0) (>= netcoreapp2.2))
      Microsoft.Extensions.Configuration (>= 2.2)
      Microsoft.Extensions.DependencyInjection (>= 2.2)
      Microsoft.Extensions.FileProviders.Physical (>= 2.2)
      Microsoft.Extensions.Hosting.Abstractions (>= 2.2)
      Microsoft.Extensions.Logging (>= 2.2)
    Microsoft.Extensions.Hosting.Abstractions (2.2)
      Microsoft.Extensions.Configuration.Abstractions (>= 2.2)
      Microsoft.Extensions.DependencyInjection.Abstractions (>= 2.2)
      Microsoft.Extensions.FileProviders.Abstractions (>= 2.2)
      Microsoft.Extensions.Logging.Abstractions (>= 2.2)
    Microsoft.Extensions.Http (2.2) - restriction: || (== netcoreapp2.2) (&& (== netstandard2.0) (>= netcoreapp2.2))
      Microsoft.Extensions.DependencyInjection.Abstractions (>= 2.2)
      Microsoft.Extensions.Logging (>= 2.2)
      Microsoft.Extensions.Options (>= 2.2)
    Microsoft.Extensions.Identity.Core (2.2) - restriction: || (== netcoreapp2.2) (&& (== netstandard2.0) (>= netcoreapp2.2))
      Microsoft.AspNetCore.Cryptography.KeyDerivation (>= 2.2)
      Microsoft.Extensions.Logging (>= 2.2)
      Microsoft.Extensions.Options (>= 2.2)
      System.ComponentModel.Annotations (>= 4.5)
    Microsoft.Extensions.Identity.Stores (2.2) - restriction: || (== netcoreapp2.2) (&& (== netstandard2.0) (>= netcoreapp2.2))
      Microsoft.Extensions.Identity.Core (>= 2.2)
      Microsoft.Extensions.Logging (>= 2.2)
      System.ComponentModel.Annotations (>= 4.5)
    Microsoft.Extensions.Localization (2.2) - restriction: || (== netcoreapp2.2) (&& (== netstandard2.0) (>= netcoreapp2.2))
      Microsoft.Extensions.DependencyInjection.Abstractions (>= 2.2)
      Microsoft.Extensions.Localization.Abstractions (>= 2.2)
      Microsoft.Extensions.Logging.Abstractions (>= 2.2)
      Microsoft.Extensions.Options (>= 2.2)
    Microsoft.Extensions.Localization.Abstractions (2.2) - restriction: || (== netcoreapp2.2) (&& (== netstandard2.0) (>= netcoreapp2.2))
    Microsoft.Extensions.Logging (2.2) - restriction: || (== netcoreapp2.2) (&& (== netstandard2.0) (>= netcoreapp2.2))
      Microsoft.Extensions.Configuration.Binder (>= 2.2)
      Microsoft.Extensions.DependencyInjection.Abstractions (>= 2.2)
      Microsoft.Extensions.Logging.Abstractions (>= 2.2)
      Microsoft.Extensions.Options (>= 2.2)
    Microsoft.Extensions.Logging.Abstractions (2.2)
    Microsoft.Extensions.Logging.Configuration (2.2) - restriction: || (== netcoreapp2.2) (&& (== netstandard2.0) (>= netcoreapp2.2))
      Microsoft.Extensions.Logging (>= 2.2)
      Microsoft.Extensions.Options.ConfigurationExtensions (>= 2.2)
    Microsoft.Extensions.Logging.Console (2.2) - restriction: || (== netcoreapp2.2) (&& (== netstandard2.0) (>= netcoreapp2.2))
      Microsoft.Extensions.Configuration.Abstractions (>= 2.2)
      Microsoft.Extensions.Logging (>= 2.2)
      Microsoft.Extensions.Logging.Configuration (>= 2.2)
    Microsoft.Extensions.Logging.Debug (2.2) - restriction: || (== netcoreapp2.2) (&& (== netstandard2.0) (>= netcoreapp2.2))
      Microsoft.Extensions.Logging (>= 2.2)
    Microsoft.Extensions.Logging.EventSource (2.2) - restriction: || (== netcoreapp2.2) (&& (== netstandard2.0) (>= netcoreapp2.2))
      Microsoft.Extensions.Logging (>= 2.2)
      Newtonsoft.Json (>= 11.0.2)
    Microsoft.Extensions.Logging.TraceSource (2.2) - restriction: || (== netcoreapp2.2) (&& (== netstandard2.0) (>= netcoreapp2.2))
      Microsoft.Extensions.Logging (>= 2.2)
    Microsoft.Extensions.ObjectPool (2.2) - restriction: || (== netcoreapp2.2) (&& (== netstandard2.0) (>= netcoreapp2.2))
    Microsoft.Extensions.Options (2.2) - restriction: || (== netcoreapp2.2) (&& (== netstandard2.0) (>= netcoreapp2.2))
      Microsoft.Extensions.DependencyInjection.Abstractions (>= 2.2)
      Microsoft.Extensions.Primitives (>= 2.2)
      System.ComponentModel.Annotations (>= 4.5)
    Microsoft.Extensions.Options.ConfigurationExtensions (2.2)
      Microsoft.Extensions.Configuration.Abstractions (>= 2.2)
      Microsoft.Extensions.Configuration.Binder (>= 2.2)
      Microsoft.Extensions.DependencyInjection.Abstractions (>= 2.2)
      Microsoft.Extensions.Options (>= 2.2)
    Microsoft.Extensions.Options.DataAnnotations (2.2) - restriction: || (== netcoreapp2.2) (&& (== netstandard2.0) (>= netcoreapp2.2))
      Microsoft.Extensions.DependencyInjection.Abstractions (>= 2.2)
      Microsoft.Extensions.Options (>= 2.2)
      System.ComponentModel.Annotations (>= 4.5)
    Microsoft.Extensions.Primitives (2.2) - restriction: || (== netcoreapp2.2) (&& (== netstandard2.0) (>= netcoreapp2.2))
      System.Memory (>= 4.5.1)
      System.Runtime.CompilerServices.Unsafe (>= 4.5.1)
    Microsoft.Extensions.WebEncoders (2.2) - restriction: || (== netcoreapp2.2) (&& (== netstandard2.0) (>= netcoreapp2.2))
      Microsoft.Extensions.DependencyInjection.Abstractions (>= 2.2)
      Microsoft.Extensions.Options (>= 2.2)
      System.Text.Encodings.Web (>= 4.5)
    Microsoft.FSharpLu.Json (0.10.27)
      FSharp.Core (>= 4.3.4)
      Newtonsoft.Json (>= 10.0.3)
    Microsoft.IdentityModel.JsonWebTokens (5.3)
      Microsoft.IdentityModel.Tokens (>= 5.3)
      Newtonsoft.Json (>= 10.0.1)
    Microsoft.IdentityModel.Logging (5.3)
      System.Diagnostics.Tracing (>= 4.3)
      System.Globalization (>= 4.3)
      System.IO (>= 4.3)
      System.IO.FileSystem (>= 4.3)
    Microsoft.IdentityModel.Protocols (5.3) - restriction: || (== netcoreapp2.2) (&& (== netstandard2.0) (>= netcoreapp2.2))
      Microsoft.IdentityModel.Logging (>= 5.3)
      Microsoft.IdentityModel.Tokens (>= 5.3)
      System.Collections.Specialized (>= 4.3)
      System.Diagnostics.Contracts (>= 4.3)
      System.Net.Http (>= 4.3)
    Microsoft.IdentityModel.Protocols.OpenIdConnect (5.3) - restriction: || (== netcoreapp2.2) (&& (== netstandard2.0) (>= netcoreapp2.2))
      Microsoft.IdentityModel.Protocols (>= 5.3)
      Newtonsoft.Json (>= 10.0.1)
      System.Dynamic.Runtime (>= 4.3)
      System.IdentityModel.Tokens.Jwt (>= 5.3)
    Microsoft.IdentityModel.Protocols.WsFederation (5.3) - restriction: || (== netcoreapp2.2) (&& (== netstandard2.0) (>= netcoreapp2.2))
      Microsoft.IdentityModel.Protocols (>= 5.3)
      Microsoft.IdentityModel.Tokens.Saml (>= 5.3)
      Microsoft.IdentityModel.Xml (>= 5.3)
      System.Xml.XmlDocument (>= 4.3)
    Microsoft.IdentityModel.Tokens (5.3)
      Microsoft.IdentityModel.Logging (>= 5.3)
      Newtonsoft.Json (>= 10.0.1)
      System.Collections (>= 4.3)
      System.Diagnostics.Tools (>= 4.3)
      System.Reflection (>= 4.3)
      System.Runtime (>= 4.3)
      System.Runtime.Extensions (>= 4.3)
      System.Runtime.InteropServices (>= 4.3)
      System.Runtime.InteropServices.RuntimeInformation (>= 4.3)
      System.Runtime.Serialization.Xml (>= 4.3)
      System.Security.Claims (>= 4.3)
      System.Security.Cryptography.Algorithms (>= 4.3)
      System.Security.Cryptography.X509Certificates (>= 4.3)
      System.Text.RegularExpressions (>= 4.3)
      System.Threading (>= 4.3)
    Microsoft.IdentityModel.Tokens.Saml (5.3) - restriction: || (== netcoreapp2.2) (&& (== netstandard2.0) (>= netcoreapp2.2))
      Microsoft.IdentityModel.Tokens (>= 5.3)
      Microsoft.IdentityModel.Xml (>= 5.3)
    Microsoft.IdentityModel.Xml (5.3) - restriction: || (== netcoreapp2.2) (&& (== netstandard2.0) (>= netcoreapp2.2))
      Microsoft.IdentityModel.Tokens (>= 5.3)
    Microsoft.Net.Http.Headers (2.2) - restriction: || (== netcoreapp2.2) (&& (== netstandard2.0) (>= netcoreapp2.2))
      Microsoft.Extensions.Primitives (>= 2.2)
      System.Buffers (>= 4.5)
    Microsoft.NET.Test.Sdk (15.9)
      Microsoft.CodeCoverage (>= 15.9) - restriction: || (== netcoreapp2.2) (&& (== netstandard2.0) (>= net45)) (&& (== netstandard2.0) (>= netcoreapp1.0))
      Microsoft.TestPlatform.TestHost (>= 15.9) - restriction: || (== netcoreapp2.2) (&& (== netstandard2.0) (>= netcoreapp1.0))
    Microsoft.NETCore.App (2.2) - restriction: || (== netcoreapp2.2) (&& (== netstandard2.0) (>= netcoreapp2.0))
      Microsoft.NETCore.DotNetHostPolicy (>= 2.2) - restriction: || (== netcoreapp2.2) (&& (== netstandard2.0) (>= netcoreapp2.2))
      Microsoft.NETCore.Platforms (>= 2.2) - restriction: || (== netcoreapp2.2) (&& (== netstandard2.0) (>= netcoreapp2.2))
      Microsoft.NETCore.Targets (>= 2.0) - restriction: || (== netcoreapp2.2) (&& (== netstandard2.0) (>= netcoreapp2.2))
      NETStandard.Library (>= 2.0.3) - restriction: || (== netcoreapp2.2) (&& (== netstandard2.0) (>= netcoreapp2.2))
    Microsoft.NETCore.DotNetAppHost (2.2) - restriction: || (== netcoreapp2.2) (&& (== netstandard2.0) (>= netcoreapp2.2))
    Microsoft.NETCore.DotNetHostPolicy (2.2) - restriction: || (== netcoreapp2.2) (&& (== netstandard2.0) (>= netcoreapp2.2))
      Microsoft.NETCore.DotNetHostResolver (>= 2.2)
    Microsoft.NETCore.DotNetHostResolver (2.2) - restriction: || (== netcoreapp2.2) (&& (== netstandard2.0) (>= netcoreapp2.2))
      Microsoft.NETCore.DotNetAppHost (>= 2.2)
    Microsoft.NETCore.Platforms (2.2)
    Microsoft.NETCore.Targets (2.1)
    Microsoft.TestPlatform.ObjectModel (15.9) - restriction: || (== netcoreapp2.2) (&& (== netstandard2.0) (>= netcoreapp1.0))
      NETStandard.Library (>= 1.6)
      System.ComponentModel.EventBasedAsync (>= 4.0.11)
      System.ComponentModel.TypeConverter (>= 4.1)
      System.Diagnostics.Process (>= 4.1)
      System.Diagnostics.TextWriterTraceListener (>= 4.0)
      System.Diagnostics.TraceSource (>= 4.0)
      System.Reflection.Metadata (>= 1.3)
      System.Reflection.TypeExtensions (>= 4.1)
      System.Runtime.InteropServices.RuntimeInformation (>= 4.0)
      System.Runtime.Loader (>= 4.0)
      System.Runtime.Serialization.Json (>= 4.0.2)
      System.Runtime.Serialization.Primitives (>= 4.1.1)
      System.Threading.Thread (>= 4.0)
      System.Xml.XPath.XmlDocument (>= 4.0.1)
    Microsoft.TestPlatform.TestHost (15.9) - restriction: || (== netcoreapp2.2) (&& (== netstandard2.0) (>= netcoreapp1.0))
      Microsoft.Extensions.DependencyModel (>= 1.0.3) - restriction: || (== netcoreapp2.2) (&& (== netstandard2.0) (>= netcoreapp1.0))
      Microsoft.TestPlatform.ObjectModel (>= 15.9) - restriction: || (== netcoreapp2.2) (&& (== netstandard2.0) (>= netcoreapp1.0)) (&& (== netstandard2.0) (>= uap10.0))
      Newtonsoft.Json (>= 9.0.1) - restriction: || (== netcoreapp2.2) (&& (== netstandard2.0) (>= netcoreapp1.0)) (&& (== netstandard2.0) (>= uap10.0))
    Microsoft.Win32.Primitives (4.3)
      Microsoft.NETCore.Platforms (>= 1.1)
      Microsoft.NETCore.Targets (>= 1.1)
      System.Runtime (>= 4.3)
    Microsoft.Win32.Registry (4.5)
      System.Security.AccessControl (>= 4.5)
      System.Security.Principal.Windows (>= 4.5)
    MongoDB.Bson (2.7.2)
      NETStandard.Library (>= 1.6.1)
      System.Collections.NonGeneric (>= 4.0.1)
      System.Diagnostics.Process (>= 4.1)
      System.Dynamic.Runtime (>= 4.0.11)
      System.Reflection.Emit.Lightweight (>= 4.0.1)
    MongoDB.Driver (2.7.2)
      MongoDB.Bson (>= 2.7.2)
      MongoDB.Driver.Core (>= 2.7.2)
      NETStandard.Library (>= 1.6.1)
      System.ComponentModel.TypeConverter (>= 4.1)
      System.Linq.Queryable (>= 4.0.1)
    MongoDB.Driver.Core (2.7.2)
      DnsClient (>= 1.0.7)
      MongoDB.Bson (>= 2.7.2)
      NETStandard.Library (>= 1.6.1)
      System.Collections.Specialized (>= 4.0.1)
      System.Diagnostics.TextWriterTraceListener (>= 4.0)
      System.Diagnostics.TraceSource (>= 4.0)
      System.Net.NameResolution (>= 4.3)
      System.Net.Security (>= 4.0)
      System.Security.SecureString (>= 4.0)
    Mono.Cecil (0.10.1)
      System.Collections (>= 4.0.11)
      System.IO.FileSystem (>= 4.0.1)
      System.IO.FileSystem.Primitives (>= 4.0.1)
      System.Reflection (>= 4.1)
      System.Runtime.Extensions (>= 4.1)
      System.Security.Cryptography.Algorithms (>= 4.2)
      System.Security.Cryptography.Csp (>= 4.0)
      System.Threading (>= 4.0.11)
    NETStandard.Library (2.0.3)
      Microsoft.NETCore.Platforms (>= 1.1)
    Newtonsoft.Json (12.0.1)
    Newtonsoft.Json.Bson (1.0.2) - restriction: || (== netcoreapp2.2) (&& (== netstandard2.0) (>= netcoreapp2.2))
      Newtonsoft.Json (>= 12.0.1)
    Pipelines.Sockets.Unofficial (1.0.9)
      System.Buffers (>= 4.4)
      System.IO.Pipelines (>= 4.5.1)
    Reactive.Streams (1.0.2)
      NETStandard.Library (>= 1.6)
    Remotion.Linq (2.2) - restriction: || (== netcoreapp2.2) (&& (== netstandard2.0) (>= netcoreapp2.2))
      System.Collections (>= 4.0.11)
      System.Diagnostics.Debug (>= 4.0.11)
      System.Linq (>= 4.1)
      System.Linq.Expressions (>= 4.1)
      System.Linq.Queryable (>= 4.0.1)
      System.ObjectModel (>= 4.0.12)
      System.Reflection (>= 4.1)
      System.Reflection.Extensions (>= 4.0.1)
      System.Runtime (>= 4.1)
      System.Runtime.Extensions (>= 4.1)
      System.Threading (>= 4.0.11)
    runtime.debian.8-x64.runtime.native.System.Security.Cryptography.OpenSsl (4.3.3)
    runtime.debian.9-x64.runtime.native.System.Security.Cryptography.OpenSsl (4.3.3)
    runtime.fedora.23-x64.runtime.native.System.Security.Cryptography.OpenSsl (4.3.3)
    runtime.fedora.24-x64.runtime.native.System.Security.Cryptography.OpenSsl (4.3.3)
    runtime.fedora.27-x64.runtime.native.System.Security.Cryptography.OpenSsl (4.3.3)
    runtime.fedora.28-x64.runtime.native.System.Security.Cryptography.OpenSsl (4.3.3)
    runtime.native.System (4.3.1)
      Microsoft.NETCore.Platforms (>= 1.1.1)
      Microsoft.NETCore.Targets (>= 1.1.3)
    runtime.native.System.Data.SqlClient.sni (4.5) - restriction: || (== netcoreapp2.2) (&& (== netstandard2.0) (>= netcoreapp2.2))
      runtime.win-arm64.runtime.native.System.Data.SqlClient.sni (>= 4.4)
      runtime.win-x64.runtime.native.System.Data.SqlClient.sni (>= 4.4)
      runtime.win-x86.runtime.native.System.Data.SqlClient.sni (>= 4.4)
    runtime.native.System.IO.Compression (4.3.2) - restriction: || (== netcoreapp2.2) (&& (== netstandard2.0) (>= netcoreapp2.2))
      Microsoft.NETCore.Platforms (>= 1.1.1)
      Microsoft.NETCore.Targets (>= 1.1.3)
    runtime.native.System.Net.Http (4.3.1)
      Microsoft.NETCore.Platforms (>= 1.1.1)
      Microsoft.NETCore.Targets (>= 1.1.3)
    runtime.native.System.Net.Security (4.3.1)
      Microsoft.NETCore.Platforms (>= 1.1.1)
      Microsoft.NETCore.Targets (>= 1.1.3)
    runtime.native.System.Security.Cryptography.Apple (4.3.1)
      runtime.osx.10.10-x64.runtime.native.System.Security.Cryptography.Apple (>= 4.3.1)
    runtime.native.System.Security.Cryptography.OpenSsl (4.3.3)
      runtime.debian.8-x64.runtime.native.System.Security.Cryptography.OpenSsl (>= 4.3.3)
      runtime.debian.9-x64.runtime.native.System.Security.Cryptography.OpenSsl (>= 4.3.3)
      runtime.fedora.23-x64.runtime.native.System.Security.Cryptography.OpenSsl (>= 4.3.3)
      runtime.fedora.24-x64.runtime.native.System.Security.Cryptography.OpenSsl (>= 4.3.3)
      runtime.fedora.27-x64.runtime.native.System.Security.Cryptography.OpenSsl (>= 4.3.3)
      runtime.fedora.28-x64.runtime.native.System.Security.Cryptography.OpenSsl (>= 4.3.3)
      runtime.opensuse.13.2-x64.runtime.native.System.Security.Cryptography.OpenSsl (>= 4.3.3)
      runtime.opensuse.42.1-x64.runtime.native.System.Security.Cryptography.OpenSsl (>= 4.3.3)
      runtime.opensuse.42.3-x64.runtime.native.System.Security.Cryptography.OpenSsl (>= 4.3.3)
      runtime.osx.10.10-x64.runtime.native.System.Security.Cryptography.OpenSsl (>= 4.3.3)
      runtime.rhel.7-x64.runtime.native.System.Security.Cryptography.OpenSsl (>= 4.3.3)
      runtime.ubuntu.14.04-x64.runtime.native.System.Security.Cryptography.OpenSsl (>= 4.3.3)
      runtime.ubuntu.16.04-x64.runtime.native.System.Security.Cryptography.OpenSsl (>= 4.3.3)
      runtime.ubuntu.16.10-x64.runtime.native.System.Security.Cryptography.OpenSsl (>= 4.3.3)
      runtime.ubuntu.18.04-x64.runtime.native.System.Security.Cryptography.OpenSsl (>= 4.3.3)
    runtime.opensuse.13.2-x64.runtime.native.System.Security.Cryptography.OpenSsl (4.3.3)
    runtime.opensuse.42.1-x64.runtime.native.System.Security.Cryptography.OpenSsl (4.3.3)
    runtime.opensuse.42.3-x64.runtime.native.System.Security.Cryptography.OpenSsl (4.3.3)
    runtime.osx.10.10-x64.runtime.native.System.Security.Cryptography.Apple (4.3.1)
    runtime.osx.10.10-x64.runtime.native.System.Security.Cryptography.OpenSsl (4.3.3)
    runtime.rhel.7-x64.runtime.native.System.Security.Cryptography.OpenSsl (4.3.3)
    runtime.ubuntu.14.04-x64.runtime.native.System.Security.Cryptography.OpenSsl (4.3.3)
    runtime.ubuntu.16.04-x64.runtime.native.System.Security.Cryptography.OpenSsl (4.3.3)
    runtime.ubuntu.16.10-x64.runtime.native.System.Security.Cryptography.OpenSsl (4.3.3)
    runtime.ubuntu.18.04-x64.runtime.native.System.Security.Cryptography.OpenSsl (4.3.3)
    runtime.win-arm64.runtime.native.System.Data.SqlClient.sni (4.4) - restriction: || (== netcoreapp2.2) (&& (== netstandard2.0) (>= netcoreapp2.2))
    runtime.win-x64.runtime.native.System.Data.SqlClient.sni (4.4) - restriction: || (== netcoreapp2.2) (&& (== netstandard2.0) (>= netcoreapp2.2))
    runtime.win-x86.runtime.native.System.Data.SqlClient.sni (4.4) - restriction: || (== netcoreapp2.2) (&& (== netstandard2.0) (>= netcoreapp2.2))
    StackExchange.Redis (2.0.519)
      Pipelines.Sockets.Unofficial (>= 1.0.7)
      System.Diagnostics.PerformanceCounter (>= 4.5)
      System.IO.Pipelines (>= 4.5.1)
      System.Threading.Channels (>= 4.5)
    System.AppContext (4.3) - restriction: || (== netcoreapp2.2) (&& (== netstandard2.0) (>= netcoreapp2.2))
      System.Runtime (>= 4.3)
    System.Buffers (4.5)
    System.Collections (4.3)
      Microsoft.NETCore.Platforms (>= 1.1)
      Microsoft.NETCore.Targets (>= 1.1)
      System.Runtime (>= 4.3)
    System.Collections.Concurrent (4.3)
      System.Collections (>= 4.3)
      System.Diagnostics.Debug (>= 4.3)
      System.Diagnostics.Tracing (>= 4.3)
      System.Globalization (>= 4.3)
      System.Reflection (>= 4.3)
      System.Resources.ResourceManager (>= 4.3)
      System.Runtime (>= 4.3)
      System.Runtime.Extensions (>= 4.3)
      System.Threading (>= 4.3)
      System.Threading.Tasks (>= 4.3)
    System.Collections.Immutable (1.5)
    System.Collections.NonGeneric (4.3)
      System.Diagnostics.Debug (>= 4.3)
      System.Globalization (>= 4.3)
      System.Resources.ResourceManager (>= 4.3)
      System.Runtime (>= 4.3)
      System.Runtime.Extensions (>= 4.3)
      System.Threading (>= 4.3)
    System.Collections.Specialized (4.3)
      System.Collections.NonGeneric (>= 4.3)
      System.Globalization (>= 4.3)
      System.Globalization.Extensions (>= 4.3)
      System.Resources.ResourceManager (>= 4.3)
      System.Runtime (>= 4.3)
      System.Runtime.Extensions (>= 4.3)
      System.Threading (>= 4.3)
    System.ComponentModel (4.3)
      System.Runtime (>= 4.3)
    System.ComponentModel.Annotations (4.5) - restriction: || (== netcoreapp2.2) (&& (== netstandard2.0) (>= netcoreapp2.2))
    System.ComponentModel.EventBasedAsync (4.3) - restriction: || (== netcoreapp2.2) (&& (== netstandard2.0) (>= netcoreapp1.0))
      System.Resources.ResourceManager (>= 4.3)
      System.Runtime (>= 4.3)
      System.Threading (>= 4.3)
      System.Threading.Tasks (>= 4.3)
    System.ComponentModel.Primitives (4.3)
      System.ComponentModel (>= 4.3)
      System.Resources.ResourceManager (>= 4.3)
      System.Runtime (>= 4.3)
    System.ComponentModel.TypeConverter (4.3)
      System.Collections (>= 4.3)
      System.Collections.NonGeneric (>= 4.3)
      System.Collections.Specialized (>= 4.3)
      System.ComponentModel (>= 4.3)
      System.ComponentModel.Primitives (>= 4.3)
      System.Globalization (>= 4.3)
      System.Linq (>= 4.3)
      System.Reflection (>= 4.3)
      System.Reflection.Extensions (>= 4.3)
      System.Reflection.Primitives (>= 4.3)
      System.Reflection.TypeExtensions (>= 4.3)
      System.Resources.ResourceManager (>= 4.3)
      System.Runtime (>= 4.3)
      System.Runtime.Extensions (>= 4.3)
      System.Threading (>= 4.3)
    System.Configuration.ConfigurationManager (4.5)
      System.Security.Cryptography.ProtectedData (>= 4.5)
      System.Security.Permissions (>= 4.5)
    System.Console (4.3.1) - restriction: || (== netcoreapp2.2) (&& (== netstandard2.0) (>= netcoreapp2.2))
      Microsoft.NETCore.Platforms (>= 1.1)
      Microsoft.NETCore.Targets (>= 1.1.2)
      System.IO (>= 4.3)
      System.Runtime (>= 4.3)
      System.Text.Encoding (>= 4.3)
    System.Data.SqlClient (4.6) - restriction: || (== netcoreapp2.2) (&& (== netstandard2.0) (>= netcoreapp2.2))
      Microsoft.Win32.Registry (>= 4.5)
      runtime.native.System.Data.SqlClient.sni (>= 4.5)
      System.Security.Principal.Windows (>= 4.5)
      System.Text.Encoding.CodePages (>= 4.5)
    System.Diagnostics.Contracts (4.3) - restriction: || (== netcoreapp2.2) (&& (== netstandard2.0) (>= netcoreapp2.2))
      System.Runtime (>= 4.3)
    System.Diagnostics.Debug (4.3)
      Microsoft.NETCore.Platforms (>= 1.1)
      Microsoft.NETCore.Targets (>= 1.1)
      System.Runtime (>= 4.3)
    System.Diagnostics.DiagnosticSource (4.5.1) - restriction: || (== netcoreapp2.2) (&& (== netstandard2.0) (>= netcoreapp2.2))
    System.Diagnostics.FileVersionInfo (4.3)
      Microsoft.NETCore.Platforms (>= 1.1)
      System.Globalization (>= 4.3)
      System.IO (>= 4.3)
      System.IO.FileSystem (>= 4.3)
      System.IO.FileSystem.Primitives (>= 4.3)
      System.Reflection.Metadata (>= 1.4.1)
      System.Runtime (>= 4.3)
      System.Runtime.Extensions (>= 4.3)
      System.Runtime.InteropServices (>= 4.3)
    System.Diagnostics.PerformanceCounter (4.5)
      Microsoft.NETCore.Platforms (>= 2.0) - restriction: || (== netcoreapp2.2) (&& (== netstandard2.0) (>= netcoreapp2.0))
      Microsoft.Win32.Registry (>= 4.5) - restriction: || (== netcoreapp2.2) (&& (== netstandard2.0) (>= netcoreapp2.0))
      System.Configuration.ConfigurationManager (>= 4.5) - restriction: || (== netcoreapp2.2) (&& (== netstandard2.0) (>= netcoreapp2.0))
      System.Security.Principal.Windows (>= 4.5) - restriction: || (== netcoreapp2.2) (&& (== netstandard2.0) (>= netcoreapp2.0))
    System.Diagnostics.Process (4.3)
      Microsoft.NETCore.Platforms (>= 1.1)
      Microsoft.Win32.Primitives (>= 4.3)
      Microsoft.Win32.Registry (>= 4.3)
      runtime.native.System (>= 4.3)
      System.Collections (>= 4.3)
      System.Diagnostics.Debug (>= 4.3)
      System.Globalization (>= 4.3)
      System.IO (>= 4.3)
      System.IO.FileSystem (>= 4.3)
      System.IO.FileSystem.Primitives (>= 4.3)
      System.Resources.ResourceManager (>= 4.3)
      System.Runtime (>= 4.3)
      System.Runtime.Extensions (>= 4.3)
      System.Runtime.Handles (>= 4.3)
      System.Runtime.InteropServices (>= 4.3)
      System.Text.Encoding (>= 4.3)
      System.Text.Encoding.Extensions (>= 4.3)
      System.Threading (>= 4.3)
      System.Threading.Tasks (>= 4.3)
      System.Threading.Thread (>= 4.3)
      System.Threading.ThreadPool (>= 4.3)
    System.Diagnostics.StackTrace (4.3) - restriction: || (== netcoreapp2.2) (&& (== netstandard2.0) (>= netcoreapp2.2))
      System.IO.FileSystem (>= 4.3)
      System.Reflection (>= 4.3)
      System.Reflection.Metadata (>= 1.4.1)
      System.Runtime (>= 4.3)
    System.Diagnostics.TextWriterTraceListener (4.3)
      System.Diagnostics.TraceSource (>= 4.3)
      System.Globalization (>= 4.3)
      System.IO (>= 4.3)
      System.Resources.ResourceManager (>= 4.3)
      System.Runtime (>= 4.3)
      System.Threading (>= 4.3)
    System.Diagnostics.Tools (4.3)
      Microsoft.NETCore.Platforms (>= 1.1)
      Microsoft.NETCore.Targets (>= 1.1)
      System.Runtime (>= 4.3)
    System.Diagnostics.TraceSource (4.3)
      Microsoft.NETCore.Platforms (>= 1.1)
      runtime.native.System (>= 4.3)
      System.Collections (>= 4.3)
      System.Diagnostics.Debug (>= 4.3)
      System.Globalization (>= 4.3)
      System.Resources.ResourceManager (>= 4.3)
      System.Runtime (>= 4.3)
      System.Runtime.Extensions (>= 4.3)
      System.Threading (>= 4.3)
    System.Diagnostics.Tracing (4.3)
      Microsoft.NETCore.Platforms (>= 1.1)
      Microsoft.NETCore.Targets (>= 1.1)
      System.Runtime (>= 4.3)
    System.Dynamic.Runtime (4.3)
      System.Collections (>= 4.3)
      System.Diagnostics.Debug (>= 4.3)
      System.Linq (>= 4.3)
      System.Linq.Expressions (>= 4.3)
      System.ObjectModel (>= 4.3)
      System.Reflection (>= 4.3)
      System.Reflection.Emit (>= 4.3)
      System.Reflection.Emit.ILGeneration (>= 4.3)
      System.Reflection.Primitives (>= 4.3)
      System.Reflection.TypeExtensions (>= 4.3)
      System.Resources.ResourceManager (>= 4.3)
      System.Runtime (>= 4.3)
      System.Runtime.Extensions (>= 4.3)
      System.Threading (>= 4.3)
    System.Globalization (4.3)
      Microsoft.NETCore.Platforms (>= 1.1)
      Microsoft.NETCore.Targets (>= 1.1)
      System.Runtime (>= 4.3)
    System.Globalization.Calendars (4.3)
      Microsoft.NETCore.Platforms (>= 1.1)
      Microsoft.NETCore.Targets (>= 1.1)
      System.Globalization (>= 4.3)
      System.Runtime (>= 4.3)
    System.Globalization.Extensions (4.3)
      Microsoft.NETCore.Platforms (>= 1.1)
      System.Globalization (>= 4.3)
      System.Resources.ResourceManager (>= 4.3)
      System.Runtime (>= 4.3)
      System.Runtime.Extensions (>= 4.3)
      System.Runtime.InteropServices (>= 4.3)
    System.IdentityModel.Tokens.Jwt (5.3)
      Microsoft.IdentityModel.JsonWebTokens (>= 5.3)
      Microsoft.IdentityModel.Tokens (>= 5.3)
      Newtonsoft.Json (>= 10.0.1)
    System.Interactive.Async (3.2) - restriction: || (== netcoreapp2.2) (&& (== netstandard2.0) (>= netcoreapp2.2))
    System.IO (4.3)
      Microsoft.NETCore.Platforms (>= 1.1)
      Microsoft.NETCore.Targets (>= 1.1)
      System.Runtime (>= 4.3)
      System.Text.Encoding (>= 4.3)
      System.Threading.Tasks (>= 4.3)
    System.IO.Compression (4.3) - restriction: || (== netcoreapp2.2) (&& (== netstandard2.0) (>= netcoreapp2.2))
      Microsoft.NETCore.Platforms (>= 1.1)
      runtime.native.System (>= 4.3)
      runtime.native.System.IO.Compression (>= 4.3)
      System.Buffers (>= 4.3)
      System.Collections (>= 4.3)
      System.Diagnostics.Debug (>= 4.3)
      System.IO (>= 4.3)
      System.Resources.ResourceManager (>= 4.3)
      System.Runtime (>= 4.3)
      System.Runtime.Extensions (>= 4.3)
      System.Runtime.Handles (>= 4.3)
      System.Runtime.InteropServices (>= 4.3)
      System.Text.Encoding (>= 4.3)
      System.Threading (>= 4.3)
      System.Threading.Tasks (>= 4.3)
    System.IO.FileSystem (4.3)
      Microsoft.NETCore.Platforms (>= 1.1)
      Microsoft.NETCore.Targets (>= 1.1)
      System.IO (>= 4.3)
      System.IO.FileSystem.Primitives (>= 4.3)
      System.Runtime (>= 4.3)
      System.Runtime.Handles (>= 4.3)
      System.Text.Encoding (>= 4.3)
      System.Threading.Tasks (>= 4.3)
    System.IO.FileSystem.Primitives (4.3)
      System.Runtime (>= 4.3)
    System.IO.Pipelines (4.5.2)
    System.Linq (4.3)
      System.Collections (>= 4.3)
      System.Diagnostics.Debug (>= 4.3)
      System.Resources.ResourceManager (>= 4.3)
      System.Runtime (>= 4.3)
      System.Runtime.Extensions (>= 4.3)
    System.Linq.Expressions (4.3)
      System.Collections (>= 4.3)
      System.Diagnostics.Debug (>= 4.3)
      System.Globalization (>= 4.3)
      System.IO (>= 4.3)
      System.Linq (>= 4.3)
      System.ObjectModel (>= 4.3)
      System.Reflection (>= 4.3)
      System.Reflection.Emit (>= 4.3)
      System.Reflection.Emit.ILGeneration (>= 4.3)
      System.Reflection.Emit.Lightweight (>= 4.3)
      System.Reflection.Extensions (>= 4.3)
      System.Reflection.Primitives (>= 4.3)
      System.Reflection.TypeExtensions (>= 4.3)
      System.Resources.ResourceManager (>= 4.3)
      System.Runtime (>= 4.3)
      System.Runtime.Extensions (>= 4.3)
      System.Threading (>= 4.3)
    System.Linq.Queryable (4.3)
      System.Collections (>= 4.3)
      System.Diagnostics.Debug (>= 4.3)
      System.Linq (>= 4.3)
      System.Linq.Expressions (>= 4.3)
      System.Reflection (>= 4.3)
      System.Reflection.Extensions (>= 4.3)
      System.Resources.ResourceManager (>= 4.3)
      System.Runtime (>= 4.3)
    System.Memory (4.5.1)
    System.Net.Http (4.3.4) - restriction: || (== netcoreapp2.2) (&& (== netstandard2.0) (>= netcoreapp2.2))
      Microsoft.NETCore.Platforms (>= 1.1.1)
      runtime.native.System (>= 4.3)
      runtime.native.System.Net.Http (>= 4.3)
      runtime.native.System.Security.Cryptography.OpenSsl (>= 4.3.2)
      System.Collections (>= 4.3)
      System.Diagnostics.Debug (>= 4.3)
      System.Diagnostics.DiagnosticSource (>= 4.3)
      System.Diagnostics.Tracing (>= 4.3)
      System.Globalization (>= 4.3)
      System.Globalization.Extensions (>= 4.3)
      System.IO (>= 4.3)
      System.IO.FileSystem (>= 4.3)
      System.Net.Primitives (>= 4.3)
      System.Resources.ResourceManager (>= 4.3)
      System.Runtime (>= 4.3)
      System.Runtime.Extensions (>= 4.3)
      System.Runtime.Handles (>= 4.3)
      System.Runtime.InteropServices (>= 4.3)
      System.Security.Cryptography.Algorithms (>= 4.3)
      System.Security.Cryptography.Encoding (>= 4.3)
      System.Security.Cryptography.OpenSsl (>= 4.3)
      System.Security.Cryptography.Primitives (>= 4.3)
      System.Security.Cryptography.X509Certificates (>= 4.3)
      System.Text.Encoding (>= 4.3)
      System.Threading (>= 4.3)
      System.Threading.Tasks (>= 4.3)
    System.Net.NameResolution (4.3)
      Microsoft.NETCore.Platforms (>= 1.1)
      runtime.native.System (>= 4.3)
      System.Collections (>= 4.3)
      System.Diagnostics.Tracing (>= 4.3)
      System.Globalization (>= 4.3)
      System.Net.Primitives (>= 4.3)
      System.Resources.ResourceManager (>= 4.3)
      System.Runtime (>= 4.3)
      System.Runtime.Extensions (>= 4.3)
      System.Runtime.Handles (>= 4.3)
      System.Runtime.InteropServices (>= 4.3)
      System.Security.Principal.Windows (>= 4.3)
      System.Threading (>= 4.3)
      System.Threading.Tasks (>= 4.3)
    System.Net.Primitives (4.3)
      Microsoft.NETCore.Platforms (>= 1.1)
      Microsoft.NETCore.Targets (>= 1.1)
      System.Runtime (>= 4.3)
      System.Runtime.Handles (>= 4.3)
    System.Net.Security (4.3.2)
      Microsoft.NETCore.Platforms (>= 1.1)
      Microsoft.Win32.Primitives (>= 4.3)
      runtime.native.System (>= 4.3)
      runtime.native.System.Net.Security (>= 4.3)
      runtime.native.System.Security.Cryptography.OpenSsl (>= 4.3.2)
      System.Collections (>= 4.3)
      System.Collections.Concurrent (>= 4.3)
      System.Diagnostics.Tracing (>= 4.3)
      System.Globalization (>= 4.3)
      System.Globalization.Extensions (>= 4.3)
      System.IO (>= 4.3)
      System.Net.Primitives (>= 4.3)
      System.Resources.ResourceManager (>= 4.3)
      System.Runtime (>= 4.3)
      System.Runtime.Extensions (>= 4.3)
      System.Runtime.Handles (>= 4.3)
      System.Runtime.InteropServices (>= 4.3)
      System.Security.Claims (>= 4.3)
      System.Security.Cryptography.Algorithms (>= 4.3)
      System.Security.Cryptography.Encoding (>= 4.3)
      System.Security.Cryptography.OpenSsl (>= 4.3)
      System.Security.Cryptography.Primitives (>= 4.3)
      System.Security.Cryptography.X509Certificates (>= 4.3)
      System.Security.Principal (>= 4.3)
      System.Text.Encoding (>= 4.3)
      System.Threading (>= 4.3)
      System.Threading.Tasks (>= 4.3)
      System.Threading.ThreadPool (>= 4.3)
    System.Net.WebSockets.WebSocketProtocol (4.5.2) - restriction: || (== netcoreapp2.2) (&& (== netstandard2.0) (>= netcoreapp2.2))
    System.Numerics.Vectors (4.5) - restriction: || (== netcoreapp2.2) (&& (== netstandard2.0) (>= netcoreapp2.2))
    System.ObjectModel (4.3)
      System.Collections (>= 4.3)
      System.Diagnostics.Debug (>= 4.3)
      System.Resources.ResourceManager (>= 4.3)
      System.Runtime (>= 4.3)
      System.Threading (>= 4.3)
    System.Private.DataContractSerialization (4.3)
      System.Collections (>= 4.3)
      System.Collections.Concurrent (>= 4.3)
      System.Diagnostics.Debug (>= 4.3)
      System.Globalization (>= 4.3)
      System.IO (>= 4.3)
      System.Linq (>= 4.3)
      System.Reflection (>= 4.3)
      System.Reflection.Emit.ILGeneration (>= 4.3)
      System.Reflection.Emit.Lightweight (>= 4.3)
      System.Reflection.Extensions (>= 4.3)
      System.Reflection.Primitives (>= 4.3)
      System.Reflection.TypeExtensions (>= 4.3)
      System.Resources.ResourceManager (>= 4.3)
      System.Runtime (>= 4.3)
      System.Runtime.Extensions (>= 4.3)
      System.Runtime.Serialization.Primitives (>= 4.3)
      System.Text.Encoding (>= 4.3)
      System.Text.Encoding.Extensions (>= 4.3)
      System.Text.RegularExpressions (>= 4.3)
      System.Threading (>= 4.3)
      System.Threading.Tasks (>= 4.3)
      System.Xml.ReaderWriter (>= 4.3)
      System.Xml.XDocument (>= 4.3)
      System.Xml.XmlDocument (>= 4.3)
      System.Xml.XmlSerializer (>= 4.3)
    System.Reflection (4.3)
      Microsoft.NETCore.Platforms (>= 1.1)
      Microsoft.NETCore.Targets (>= 1.1)
      System.IO (>= 4.3)
      System.Reflection.Primitives (>= 4.3)
      System.Runtime (>= 4.3)
    System.Reflection.Emit (4.3)
      System.IO (>= 4.3)
      System.Reflection (>= 4.3)
      System.Reflection.Emit.ILGeneration (>= 4.3)
      System.Reflection.Primitives (>= 4.3)
      System.Runtime (>= 4.3)
    System.Reflection.Emit.ILGeneration (4.3)
      System.Reflection (>= 4.3)
      System.Reflection.Primitives (>= 4.3)
      System.Runtime (>= 4.3)
    System.Reflection.Emit.Lightweight (4.3)
      System.Reflection (>= 4.3)
      System.Reflection.Emit.ILGeneration (>= 4.3)
      System.Reflection.Primitives (>= 4.3)
      System.Runtime (>= 4.3)
    System.Reflection.Extensions (4.3)
      Microsoft.NETCore.Platforms (>= 1.1)
      Microsoft.NETCore.Targets (>= 1.1)
      System.Reflection (>= 4.3)
      System.Runtime (>= 4.3)
    System.Reflection.Metadata (1.6)
    System.Reflection.Primitives (4.3)
      Microsoft.NETCore.Platforms (>= 1.1)
      Microsoft.NETCore.Targets (>= 1.1)
      System.Runtime (>= 4.3)
    System.Reflection.TypeExtensions (4.5.1)
    System.Resources.ResourceManager (4.3)
      Microsoft.NETCore.Platforms (>= 1.1)
      Microsoft.NETCore.Targets (>= 1.1)
      System.Globalization (>= 4.3)
      System.Reflection (>= 4.3)
      System.Runtime (>= 4.3)
    System.Runtime (4.3)
      Microsoft.NETCore.Platforms (>= 1.1)
      Microsoft.NETCore.Targets (>= 1.1)
    System.Runtime.CompilerServices.Unsafe (4.5.2) - restriction: || (== netcoreapp2.2) (&& (== netstandard2.0) (>= netcoreapp2.2))
    System.Runtime.Extensions (4.3)
      Microsoft.NETCore.Platforms (>= 1.1)
      Microsoft.NETCore.Targets (>= 1.1)
      System.Runtime (>= 4.3)
    System.Runtime.Handles (4.3)
      Microsoft.NETCore.Platforms (>= 1.1)
      Microsoft.NETCore.Targets (>= 1.1)
      System.Runtime (>= 4.3)
    System.Runtime.InteropServices (4.3)
      Microsoft.NETCore.Platforms (>= 1.1)
      Microsoft.NETCore.Targets (>= 1.1)
      System.Reflection (>= 4.3)
      System.Reflection.Primitives (>= 4.3)
      System.Runtime (>= 4.3)
      System.Runtime.Handles (>= 4.3)
    System.Runtime.InteropServices.RuntimeInformation (4.3)
      runtime.native.System (>= 4.3)
      System.Reflection (>= 4.3)
      System.Reflection.Extensions (>= 4.3)
      System.Resources.ResourceManager (>= 4.3)
      System.Runtime (>= 4.3)
      System.Runtime.InteropServices (>= 4.3)
      System.Threading (>= 4.3)
    System.Runtime.Loader (4.3) - restriction: || (== netcoreapp2.2) (&& (== netstandard2.0) (>= netcoreapp1.0))
      System.IO (>= 4.3)
      System.Reflection (>= 4.3)
      System.Runtime (>= 4.3)
    System.Runtime.Numerics (4.3)
      System.Globalization (>= 4.3)
      System.Resources.ResourceManager (>= 4.3)
      System.Runtime (>= 4.3)
      System.Runtime.Extensions (>= 4.3)
    System.Runtime.Serialization.Json (4.3) - restriction: || (== netcoreapp2.2) (&& (== netstandard2.0) (>= netcoreapp1.0))
      System.IO (>= 4.3)
      System.Private.DataContractSerialization (>= 4.3)
      System.Runtime (>= 4.3)
    System.Runtime.Serialization.Primitives (4.3)
      System.Resources.ResourceManager (>= 4.3)
      System.Runtime (>= 4.3)
    System.Runtime.Serialization.Xml (4.3)
      System.IO (>= 4.3)
      System.Private.DataContractSerialization (>= 4.3)
      System.Runtime (>= 4.3)
      System.Runtime.Serialization.Primitives (>= 4.3)
      System.Text.Encoding (>= 4.3)
      System.Xml.ReaderWriter (>= 4.3)
    System.Security.AccessControl (4.5)
      Microsoft.NETCore.Platforms (>= 2.0) - restriction: || (== netcoreapp2.2) (&& (== netstandard2.0) (>= netcoreapp2.0))
      System.Security.Principal.Windows (>= 4.5)
    System.Security.Claims (4.3)
      System.Collections (>= 4.3)
      System.Globalization (>= 4.3)
      System.IO (>= 4.3)
      System.Resources.ResourceManager (>= 4.3)
      System.Runtime (>= 4.3)
      System.Runtime.Extensions (>= 4.3)
      System.Security.Principal (>= 4.3)
    System.Security.Cryptography.Algorithms (4.3.1)
      Microsoft.NETCore.Platforms (>= 1.1)
      runtime.native.System.Security.Cryptography.Apple (>= 4.3.1)
      runtime.native.System.Security.Cryptography.OpenSsl (>= 4.3.2)
      System.Collections (>= 4.3)
      System.IO (>= 4.3)
      System.Resources.ResourceManager (>= 4.3)
      System.Runtime (>= 4.3)
      System.Runtime.Extensions (>= 4.3)
      System.Runtime.Handles (>= 4.3)
      System.Runtime.InteropServices (>= 4.3)
      System.Runtime.Numerics (>= 4.3)
      System.Security.Cryptography.Encoding (>= 4.3)
      System.Security.Cryptography.Primitives (>= 4.3)
      System.Text.Encoding (>= 4.3)
    System.Security.Cryptography.Cng (4.5)
    System.Security.Cryptography.Csp (4.3)
      Microsoft.NETCore.Platforms (>= 1.1)
      System.IO (>= 4.3)
      System.Reflection (>= 4.3)
      System.Resources.ResourceManager (>= 4.3)
      System.Runtime (>= 4.3)
      System.Runtime.Extensions (>= 4.3)
      System.Runtime.Handles (>= 4.3)
      System.Runtime.InteropServices (>= 4.3)
      System.Security.Cryptography.Algorithms (>= 4.3)
      System.Security.Cryptography.Encoding (>= 4.3)
      System.Security.Cryptography.Primitives (>= 4.3)
      System.Text.Encoding (>= 4.3)
      System.Threading (>= 4.3)
    System.Security.Cryptography.Encoding (4.3)
      Microsoft.NETCore.Platforms (>= 1.1)
      runtime.native.System.Security.Cryptography.OpenSsl (>= 4.3)
      System.Collections (>= 4.3)
      System.Collections.Concurrent (>= 4.3)
      System.Linq (>= 4.3)
      System.Resources.ResourceManager (>= 4.3)
      System.Runtime (>= 4.3)
      System.Runtime.Extensions (>= 4.3)
      System.Runtime.Handles (>= 4.3)
      System.Runtime.InteropServices (>= 4.3)
      System.Security.Cryptography.Primitives (>= 4.3)
      System.Text.Encoding (>= 4.3)
    System.Security.Cryptography.OpenSsl (4.5)
    System.Security.Cryptography.Pkcs (4.5.1) - restriction: || (== netcoreapp2.2) (&& (== netstandard2.0) (>= netcoreapp2.2))
      System.Security.Cryptography.Cng (>= 4.5) - restriction: || (== netcoreapp2.2) (&& (== netstandard2.0) (>= netcoreapp2.1))
    System.Security.Cryptography.Primitives (4.3)
      System.Diagnostics.Debug (>= 4.3)
      System.Globalization (>= 4.3)
      System.IO (>= 4.3)
      System.Resources.ResourceManager (>= 4.3)
      System.Runtime (>= 4.3)
      System.Threading (>= 4.3)
      System.Threading.Tasks (>= 4.3)
    System.Security.Cryptography.ProtectedData (4.5)
      System.Memory (>= 4.5) - restriction: || (&& (== netcoreapp2.2) (< netcoreapp2.1)) (== netstandard2.0)
    System.Security.Cryptography.X509Certificates (4.3.2)
      Microsoft.NETCore.Platforms (>= 1.1)
      runtime.native.System (>= 4.3)
      runtime.native.System.Net.Http (>= 4.3)
      runtime.native.System.Security.Cryptography.OpenSsl (>= 4.3.2)
      System.Collections (>= 4.3)
      System.Diagnostics.Debug (>= 4.3)
      System.Globalization (>= 4.3)
      System.Globalization.Calendars (>= 4.3)
      System.IO (>= 4.3)
      System.IO.FileSystem (>= 4.3)
      System.IO.FileSystem.Primitives (>= 4.3)
      System.Resources.ResourceManager (>= 4.3)
      System.Runtime (>= 4.3)
      System.Runtime.Extensions (>= 4.3)
      System.Runtime.Handles (>= 4.3)
      System.Runtime.InteropServices (>= 4.3)
      System.Runtime.Numerics (>= 4.3)
      System.Security.Cryptography.Algorithms (>= 4.3)
      System.Security.Cryptography.Cng (>= 4.3)
      System.Security.Cryptography.Csp (>= 4.3)
      System.Security.Cryptography.Encoding (>= 4.3)
      System.Security.Cryptography.OpenSsl (>= 4.3)
      System.Security.Cryptography.Primitives (>= 4.3)
      System.Text.Encoding (>= 4.3)
      System.Threading (>= 4.3)
    System.Security.Cryptography.Xml (4.5) - restriction: || (== netcoreapp2.2) (&& (== netstandard2.0) (>= netcoreapp2.2))
      System.Security.Cryptography.Pkcs (>= 4.5)
      System.Security.Permissions (>= 4.5)
    System.Security.Permissions (4.5)
      System.Security.AccessControl (>= 4.5)
    System.Security.Principal (4.3)
      System.Runtime (>= 4.3)
    System.Security.Principal.Windows (4.5.1)
      Microsoft.NETCore.Platforms (>= 2.0) - restriction: || (== netcoreapp2.2) (&& (== netstandard2.0) (>= netcoreapp2.0))
    System.Security.SecureString (4.3)
      Microsoft.NETCore.Platforms (>= 1.1)
      System.Resources.ResourceManager (>= 4.3)
      System.Runtime (>= 4.3)
      System.Runtime.Handles (>= 4.3)
      System.Runtime.InteropServices (>= 4.3)
      System.Security.Cryptography.Primitives (>= 4.3)
      System.Text.Encoding (>= 4.3)
      System.Threading (>= 4.3)
    System.Text.Encoding (4.3)
      Microsoft.NETCore.Platforms (>= 1.1)
      Microsoft.NETCore.Targets (>= 1.1)
      System.Runtime (>= 4.3)
    System.Text.Encoding.CodePages (4.5) - restriction: || (== netcoreapp2.2) (&& (== netstandard2.0) (>= netcoreapp2.2))
      Microsoft.NETCore.Platforms (>= 2.0) - restriction: || (== netcoreapp2.2) (&& (== netstandard2.0) (>= netcoreapp2.0))
      System.Runtime.CompilerServices.Unsafe (>= 4.5)
    System.Text.Encoding.Extensions (4.3)
      Microsoft.NETCore.Platforms (>= 1.1)
      Microsoft.NETCore.Targets (>= 1.1)
      System.Runtime (>= 4.3)
      System.Text.Encoding (>= 4.3)
    System.Text.Encodings.Web (4.5) - restriction: || (== netcoreapp2.2) (&& (== netstandard2.0) (>= netcoreapp2.2))
    System.Text.RegularExpressions (4.3)
      System.Collections (>= 4.3) - restriction: || (&& (== netcoreapp2.2) (< netcoreapp1.1)) (&& (== netcoreapp2.2) (< portable-net45+win8+wp8+wpa81)) (== netstandard2.0)
      System.Globalization (>= 4.3) - restriction: || (&& (== netcoreapp2.2) (< netcoreapp1.1)) (&& (== netcoreapp2.2) (< portable-net45+win8+wp8+wpa81)) (== netstandard2.0)
      System.Resources.ResourceManager (>= 4.3) - restriction: || (&& (== netcoreapp2.2) (< netcoreapp1.1)) (&& (== netcoreapp2.2) (< portable-net45+win8+wp8+wpa81)) (== netstandard2.0)
      System.Runtime (>= 4.3)
      System.Runtime.Extensions (>= 4.3) - restriction: || (&& (== netcoreapp2.2) (< netcoreapp1.1)) (&& (== netcoreapp2.2) (< portable-net45+win8+wp8+wpa81)) (== netstandard2.0)
      System.Threading (>= 4.3) - restriction: || (&& (== netcoreapp2.2) (< netcoreapp1.1)) (&& (== netcoreapp2.2) (< portable-net45+win8+wp8+wpa81)) (== netstandard2.0)
    System.Threading (4.3)
      System.Runtime (>= 4.3)
      System.Threading.Tasks (>= 4.3)
    System.Threading.Channels (4.5)
      System.Threading.Tasks.Extensions (>= 4.5) - restriction: || (&& (== netcoreapp2.2) (>= net46)) (&& (== netcoreapp2.2) (< netcoreapp2.1)) (&& (== netcoreapp2.2) (< netstandard2.0)) (== netstandard2.0)
    System.Threading.Tasks (4.3)
      Microsoft.NETCore.Platforms (>= 1.1)
      Microsoft.NETCore.Targets (>= 1.1)
      System.Runtime (>= 4.3)
    System.Threading.Tasks.Extensions (4.5.1)
    System.Threading.Tasks.Parallel (4.3) - restriction: || (== netcoreapp2.2) (&& (== netstandard2.0) (>= netcoreapp2.2))
      System.Collections.Concurrent (>= 4.3)
      System.Diagnostics.Debug (>= 4.3)
      System.Diagnostics.Tracing (>= 4.3)
      System.Resources.ResourceManager (>= 4.3)
      System.Runtime (>= 4.3)
      System.Runtime.Extensions (>= 4.3)
      System.Threading (>= 4.3)
      System.Threading.Tasks (>= 4.3)
    System.Threading.Thread (4.3)
      System.Runtime (>= 4.3)
    System.Threading.ThreadPool (4.3)
      System.Runtime (>= 4.3)
      System.Runtime.Handles (>= 4.3)
    System.ValueTuple (4.5)
    System.Xml.ReaderWriter (4.3.1)
      System.Collections (>= 4.3)
      System.Diagnostics.Debug (>= 4.3)
      System.Globalization (>= 4.3)
      System.IO (>= 4.3)
      System.IO.FileSystem (>= 4.3)
      System.IO.FileSystem.Primitives (>= 4.3)
      System.Resources.ResourceManager (>= 4.3)
      System.Runtime (>= 4.3)
      System.Runtime.Extensions (>= 4.3)
      System.Runtime.InteropServices (>= 4.3)
      System.Text.Encoding (>= 4.3)
      System.Text.Encoding.Extensions (>= 4.3)
      System.Text.RegularExpressions (>= 4.3)
      System.Threading.Tasks (>= 4.3)
      System.Threading.Tasks.Extensions (>= 4.3)
    System.Xml.XDocument (4.3)
      System.Collections (>= 4.3)
      System.Diagnostics.Debug (>= 4.3)
      System.Diagnostics.Tools (>= 4.3)
      System.Globalization (>= 4.3)
      System.IO (>= 4.3)
      System.Reflection (>= 4.3)
      System.Resources.ResourceManager (>= 4.3)
      System.Runtime (>= 4.3)
      System.Runtime.Extensions (>= 4.3)
      System.Text.Encoding (>= 4.3)
      System.Threading (>= 4.3)
      System.Xml.ReaderWriter (>= 4.3)
    System.Xml.XmlDocument (4.3)
      System.Collections (>= 4.3)
      System.Diagnostics.Debug (>= 4.3)
      System.Globalization (>= 4.3)
      System.IO (>= 4.3)
      System.Resources.ResourceManager (>= 4.3)
      System.Runtime (>= 4.3)
      System.Runtime.Extensions (>= 4.3)
      System.Text.Encoding (>= 4.3)
      System.Threading (>= 4.3)
      System.Xml.ReaderWriter (>= 4.3)
    System.Xml.XmlSerializer (4.3)
      System.Collections (>= 4.3)
      System.Globalization (>= 4.3)
      System.IO (>= 4.3)
      System.Linq (>= 4.3)
      System.Reflection (>= 4.3)
      System.Reflection.Emit (>= 4.3)
      System.Reflection.Emit.ILGeneration (>= 4.3)
      System.Reflection.Extensions (>= 4.3)
      System.Reflection.Primitives (>= 4.3)
      System.Reflection.TypeExtensions (>= 4.3)
      System.Resources.ResourceManager (>= 4.3)
      System.Runtime (>= 4.3)
      System.Runtime.Extensions (>= 4.3)
      System.Text.RegularExpressions (>= 4.3)
      System.Threading (>= 4.3)
      System.Xml.ReaderWriter (>= 4.3)
      System.Xml.XmlDocument (>= 4.3)
    System.Xml.XPath (4.3) - restriction: || (== netcoreapp2.2) (&& (== netstandard2.0) (>= netcoreapp1.0))
      System.Collections (>= 4.3)
      System.Diagnostics.Debug (>= 4.3)
      System.Globalization (>= 4.3)
      System.IO (>= 4.3)
      System.Resources.ResourceManager (>= 4.3)
      System.Runtime (>= 4.3)
      System.Runtime.Extensions (>= 4.3)
      System.Threading (>= 4.3)
      System.Xml.ReaderWriter (>= 4.3)
    System.Xml.XPath.XDocument (4.3) - restriction: || (== netcoreapp2.2) (&& (== netstandard2.0) (>= netcoreapp2.2))
      System.Diagnostics.Debug (>= 4.3)
      System.Linq (>= 4.3)
      System.Resources.ResourceManager (>= 4.3)
      System.Runtime (>= 4.3)
      System.Runtime.Extensions (>= 4.3)
      System.Threading (>= 4.3)
      System.Xml.ReaderWriter (>= 4.3)
      System.Xml.XDocument (>= 4.3)
      System.Xml.XPath (>= 4.3)
    System.Xml.XPath.XmlDocument (4.3) - restriction: || (== netcoreapp2.2) (&& (== netstandard2.0) (>= netcoreapp1.0))
      System.Collections (>= 4.3)
      System.Globalization (>= 4.3)
      System.IO (>= 4.3)
      System.Resources.ResourceManager (>= 4.3)
      System.Runtime (>= 4.3)
      System.Runtime.Extensions (>= 4.3)
      System.Threading (>= 4.3)
      System.Xml.ReaderWriter (>= 4.3)
      System.Xml.XmlDocument (>= 4.3)
      System.Xml.XPath (>= 4.3)
    TaskBuilder.fs (2.1)
      FSharp.Core (>= 4.1.17)
      NETStandard.Library (>= 1.6.1)
      System.ValueTuple (>= 4.4)
    Utf8Json (1.3.7)
      System.Reflection.Emit (>= 4.3)
      System.Reflection.Emit.Lightweight (>= 4.3)
      System.Threading.Tasks.Extensions (>= 4.4)
      System.ValueTuple (>= 4.4)
    xunit (2.4.1)
      xunit.analyzers (>= 0.10)
      xunit.assert (2.4.1)
      xunit.core (2.4.1)
    xunit.abstractions (2.0.3)
    xunit.analyzers (0.10)
    xunit.assert (2.4.1)
      NETStandard.Library (>= 1.6.1)
    xunit.core (2.4.1)
      xunit.extensibility.core (2.4.1)
      xunit.extensibility.execution (2.4.1)
    xunit.extensibility.core (2.4.1)
      NETStandard.Library (>= 1.6.1)
      xunit.abstractions (>= 2.0.3)
    xunit.extensibility.execution (2.4.1)
      NETStandard.Library (>= 1.6.1)
      xunit.extensibility.core (2.4.1)
    xunit.runner.visualstudio (2.4.1)
      Microsoft.NET.Test.Sdk (>= 15.0) - restriction: || (== netcoreapp2.2) (&& (== netstandard2.0) (>= netcoreapp1.0))
    YoloDev.Expecto.TestSdk (0.6)
      Expecto (>= 8.4 < 9.0) - restriction: || (== netcoreapp2.2) (&& (== netstandard2.0) (>= net461)) (&& (== netstandard2.0) (>= netcoreapp2.0))
      FSharp.Core (>= 4.3.2) - restriction: || (== netcoreapp2.2) (&& (== netstandard2.0) (>= net461)) (&& (== netstandard2.0) (>= netcoreapp2.0))
      Microsoft.NETCore.App (>= 2.0) - restriction: || (== netcoreapp2.2) (&& (== netstandard2.0) (>= netcoreapp2.0))
      System.Collections.Immutable (>= 1.4) - restriction: || (== netcoreapp2.2) (&& (== netstandard2.0) (>= net461)) (&& (== netstandard2.0) (>= netcoreapp2.0))
